GIT
  remote: https://gitee.com/qinmingyuan/alipay2.git
  revision: 6e0f880d225caf07927819076c4ebdef58d2be0f
  specs:
    alipay2 (2.0)

GIT
  remote: https://gitee.com/qinmingyuan/default_form.git
  revision: 476ba7231079b1071415ad4e953b55ce16ae1d0d
  specs:
    default_form (1.5.1)
      rails_com (~> 1.2)

GIT
  remote: https://gitee.com/qinmingyuan/default_where.git
  revision: f3a5fafcafd4eaffc0c8eff1385e12c7bd939e83
  specs:
    default_where (2.2.3)
      activerecord (>= 4.0, <= 7.0)

GIT
  remote: https://gitee.com/qinmingyuan/omniauth-wechat-oauth2.git
  revision: 3391e65ce1e58a589ae2cdf6d280399c1ff68a9a
  specs:
    omniauth-wechat-oauth2 (0.1.0)
      omniauth-oauth2 (~> 1.5)

GIT
  remote: https://gitee.com/qinmingyuan/upyun_rails.git
  revision: 515260238c6b235189754c6d145f8d8b67ce9d8e
  specs:
    upyun_rails (0.1.0)
      activestorage
      rest-client

GIT
  remote: https://gitee.com/qinmingyuan/viter.git
  revision: f007952bb7cf5f1c30d56d0bbb9b1c37bc73317e
  specs:
    viter (0.1.0)
      rails

GIT
  remote: https://gitee.com/qinmingyuan/wx_pay.git
  revision: 82ee160cc55cdb18a39822904dcbb08b039a14d8
  specs:
    wx_pay (0.21.0)
      activesupport (>= 3.2)
      rest-client (>= 2.0.0)

GIT
  remote: https://gitee.com/tencentcloud/tencentcloud-sdk-ruby.git
  revision: d5e013a383547583b6bd0ea338d64625d66bcfc7
  specs:
    tencentcloud-sdk-common (1.0.129)
    tencentcloud-sdk-ocr (1.0.129)
      tencentcloud-sdk-common (~> 1.0)

GIT
  remote: https://gitee.com/work-design/rails_agency.git
  revision: 82ac86dee0ba838271c4b642f77e862c6179291c
  specs:
    rails_agency (0.1.0)
      rails_com (~> 1.2)

GIT
  remote: https://gitee.com/work-design/rails_attend.git
  revision: 70e7da1e84a7ddaef0dc19eb705e06927018a008
  specs:
    rails_attend (0.1.0)
      rails_com (~> 1.2)

GIT
  remote: https://gitee.com/work-design/rails_audit.git
  revision: ec64ba96ad7bada8945c04a12552290984c4bbfb
  specs:
    rails_audit (1.0.3)
      rails_com (~> 1.2)

GIT
  remote: https://gitee.com/work-design/rails_auth.git
  revision: 384e8d19a55b6438ed743fa84265d77c9efc40ce
  specs:
    rails_auth (1.1.0)
      bcrypt (~> 3.1)
      jwt (>= 2.0, <= 3.0)
      rails_com (~> 1.2)

GIT
  remote: https://gitee.com/work-design/rails_bench.git
  revision: 4ee0c5b573800907e0cda446e9b8fcad65747f26
  specs:
    rails_bench (0.1.0)
      rails_com (~> 1.2)
      rails_finance
      rails_org

GIT
  remote: https://gitee.com/work-design/rails_com.git
  revision: 7fc0febef0c859540d88ea3d83937248279d92e0
  specs:
    rails_com (1.2.9)
      acme-client
      acts_as_list (>= 1.0)
      closure_tree (>= 7.2)
      default_where (~> 2.2)
      http-form_data (~> 2.2)
      httpx (~> 0.8)
      kaminari
      rails (~> 6.0)
      turbo-rails

GIT
  remote: https://gitee.com/work-design/rails_data.git
  revision: 07a0c8043cb35ddda58008b99c75e71ba8587dbf
  specs:
    rails_data (1.0.2)
      prawn
      prawn-table
      rails_com (~> 1.2)
      roo
      roo-xls
      write_xlsx

GIT
  remote: https://gitee.com/work-design/rails_detail.git
  revision: c918f74f8837f10253985218bfee1a1596a5b923
  specs:
    rails_detail (0.0.1)
      rails_com (~> 1.2)

GIT
  remote: https://gitee.com/work-design/rails_doc.git
  revision: 8b4fd3c51d76c1d6d64a23f87e50f26cf8b17627
  specs:
    rails_doc (0.1.0)
      rails_com (>= 1.2)

GIT
  remote: https://gitee.com/work-design/rails_email.git
  revision: 340b4a54fc22e10eaa329597ed1556e562920cc2
  specs:
    rails_email (2.1.6)
      rails_auth
      rails_com (~> 1.2)

GIT
  remote: https://gitee.com/work-design/rails_event.git
  revision: 3995108aae93faf0d8802f80b18040fd18763a93
  specs:
    rails_event (0.1.1)
      rails_com (~> 1.2)

GIT
  remote: https://gitee.com/work-design/rails_factory.git
  revision: 535ccddafe8df6f0ca249c4c1611caa45374cf02
  specs:
    rails_factory (1.0.0)
      rails_com (~> 1.2)

GIT
  remote: https://gitee.com/work-design/rails_finance.git
  revision: ad803d13686f01a63b182b1f2e24ea8930af5087
  specs:
    rails_finance (0.1.0)
      rails_audit
      rails_com (~> 1.2)

GIT
  remote: https://gitee.com/work-design/rails_growth.git
  revision: 13f2a64ec8b8b3dcd3047643ef627b64a9158565
  specs:
    rails_growth (0.1.0)
      rails_com (~> 1.2)

GIT
  remote: https://gitee.com/work-design/rails_interact.git
  revision: 5a1b74251c9dd5d05599eec6e7ec65c62a1357a5
  specs:
    rails_interact (0.1.0)
      rails_com (~> 1.2)
      rails_notice (>= 0.1)

GIT
  remote: https://gitee.com/work-design/rails_markdown.git
  revision: 29de9536338383c189fc0d7a31786c2a70b23447
  specs:
    rails_markdown (0.1.0)
      kramdown
      rails_com
      rugged

GIT
  remote: https://gitee.com/work-design/rails_notice.git
  revision: 9f2cf2704ed08a7cfde4a36273ce758ef5de9af9
  specs:
    rails_notice (1.0.2)
      rails_auth
      rails_com (~> 1.2)

GIT
  remote: https://gitee.com/work-design/rails_org.git
  revision: f93ca3b219dbfdb83a48f25ba1f5328cd20adc1d
  specs:
    rails_org (0.1)
      rails_auth
      rails_com (~> 1.2)
      rails_notice
      rails_profile

GIT
  remote: https://gitee.com/work-design/rails_profile.git
  revision: 20a9938c32e05442af54fe1886f2d266bf321678
  specs:
    rails_profile (0.1.0)
      rails_com (~> 1.2)

GIT
  remote: https://gitee.com/work-design/rails_quip.git
  revision: bc3dc9e4aaf34950333a145adaf6156e6ff69db3
  specs:
    rails_quip (0.1.0)
      httpx
      rails_com (~> 1.2)
      rails_detail

GIT
  remote: https://gitee.com/work-design/rails_role.git
  revision: a0101ee14e6e4b2f24fcf9fe3cbde31a48478540
  specs:
    rails_role (1.0.3)
      rails_com (~> 1.2)

GIT
  remote: https://gitee.com/work-design/rails_ship.git
  revision: 7f1db8d2aa1638c0f00a8376d07bfc4a74f586f2
  specs:
    rails_ship (0.1.0)
      rails_com (~> 1.2)
      rails_trade

GIT
  remote: https://gitee.com/work-design/rails_trade.git
  revision: f0977cbd43a4ff048eae2405d94b6c3181a2e315
  specs:
    rails_trade (0.0.2)
      money-rails (~> 1.14)
      rails_com (~> 1.2)

GIT
  remote: https://gitee.com/work-design/rails_ui.git
  revision: 79682d2fa5ccc98b1bc410c42d114a09d08aef38
  specs:
    rails_ui (0.1.0)
      rails

GIT
  remote: https://gitee.com/work-design/rails_wechat.git
  revision: 78273608cc841160eb94c92a6d1b9a86e6753bfe
  specs:
    rails_wechat (0.1.0)
      rails_auth
      rails_com (~> 1.2)
      rqrcode

GEM
  remote: https://rubygems.org/
  specs:
    acme-client (2.0.8)
      faraday (>= 0.17, < 2.0.0)
    actioncable (6.1.4)
      actionpack (= 6.1.4)
      activesupport (= 6.1.4)
      nio4r (~> 2.0)
      websocket-driver (>= 0.6.1)
    actionmailbox (6.1.4)
      actionpack (= 6.1.4)
      activejob (= 6.1.4)
      activerecord (= 6.1.4)
      activestorage (= 6.1.4)
      activesupport (= 6.1.4)
      mail (>= 2.7.1)
    actionmailer (6.1.4)
      actionpack (= 6.1.4)
      actionview (= 6.1.4)
      activejob (= 6.1.4)
      activesupport (= 6.1.4)
      mail (~> 2.5, >= 2.5.4)
      rails-dom-testing (~> 2.0)
    actionpack (6.1.4)
      actionview (= 6.1.4)
      activesupport (= 6.1.4)
      rack (~> 2.0, >= 2.0.9)
      rack-test (>= 0.6.3)
      rails-dom-testing (~> 2.0)
      rails-html-sanitizer (~> 1.0, >= 1.2.0)
    actiontext (6.1.4)
      actionpack (= 6.1.4)
      activerecord (= 6.1.4)
      activestorage (= 6.1.4)
      activesupport (= 6.1.4)
      nokogiri (>= 1.8.5)
    actionview (6.1.4)
      activesupport (= 6.1.4)
      builder (~> 3.1)
      erubi (~> 1.4)
      rails-dom-testing (~> 2.0)
      rails-html-sanitizer (~> 1.1, >= 1.2.0)
    active_record_distinct_on (1.0.0)
      activerecord (>= 5.2, < 6.2)
    activejob (6.1.4)
      activesupport (= 6.1.4)
      globalid (>= 0.3.6)
    activemodel (6.1.4)
      activesupport (= 6.1.4)
    activerecord (6.1.4)
      activemodel (= 6.1.4)
      activesupport (= 6.1.4)
    activestorage (6.1.4)
      actionpack (= 6.1.4)
      activejob (= 6.1.4)
      activerecord (= 6.1.4)
      activesupport (= 6.1.4)
      marcel (~> 1.0.0)
      mini_mime (>= 1.1.0)
    activesupport (6.1.4)
      concurrent-ruby (~> 1.0, >= 1.0.2)
      i18n (>= 1.6, < 2)
      minitest (>= 5.1)
      tzinfo (~> 2.0)
      zeitwerk (~> 2.3)
    acts_as_list (1.0.4)
      activerecord (>= 4.2)
    addressable (2.8.0)
      public_suffix (>= 2.0.2, < 5.0)
    aliyunsdkcore (0.0.17)
      activesupport (>= 3.0.0)
      faraday (>= 0.15.4)
    amazing_print (1.3.0)
    bcrypt (3.1.16)
    bindex (0.8.1)
    binding_of_caller (1.0.0)
      debug_inspector (>= 0.0.1)
    bootsnap (1.7.6)
      msgpack (~> 1.0)
    builder (3.2.4)
    byebug (11.1.3)
    capybara (3.35.3)
      addressable
      mini_mime (>= 0.1.3)
      nokogiri (~> 1.8)
      rack (>= 1.6.0)
      rack-test (>= 0.6.3)
      regexp_parser (>= 1.5, < 3.0)
      xpath (~> 3.2)
    childprocess (3.0.0)
    chunky_png (1.4.0)
    closure_tree (7.3.0)
      activerecord (>= 4.2.10)
      with_advisory_lock (>= 4.0.0)
    coderay (1.1.3)
    concurrent-ruby (1.1.9)
    connection_pool (2.2.5)
    crass (1.0.6)
    debug_inspector (1.1.0)
    domain_name (0.5.20190701)
      unf (>= 0.0.5, < 1.0.0)
    erubi (1.10.0)
    factory_bot (6.2.0)
      activesupport (>= 5.0.0)
    factory_bot_rails (6.2.0)
      factory_bot (~> 6.2.0)
      railties (>= 5.0.0)
    faraday (1.5.1)
      faraday-em_http (~> 1.0)
      faraday-em_synchrony (~> 1.0)
      faraday-excon (~> 1.1)
      faraday-httpclient (~> 1.0.1)
      faraday-net_http (~> 1.0)
      faraday-net_http_persistent (~> 1.1)
      faraday-patron (~> 1.0)
      multipart-post (>= 1.2, < 3)
      ruby2_keywords (>= 0.0.4)
    faraday-em_http (1.0.0)
    faraday-em_synchrony (1.0.0)
    faraday-excon (1.1.0)
    faraday-httpclient (1.0.1)
    faraday-net_http (1.0.1)
    faraday-net_http_persistent (1.2.0)
    faraday-patron (1.0.0)
    ffi (1.15.3)
    globalid (0.5.1)
      activesupport (>= 5.0)
    hashie (4.1.0)
    http-2-next (0.4.3)
    http-accept (1.7.0)
    http-cookie (1.0.4)
      domain_name (~> 0.5)
    http-form_data (2.3.0)
    httpx (0.15.4)
      http-2-next (>= 0.4.1)
      timers
    i18n (1.8.10)
      concurrent-ruby (~> 1.0)
    image_processing (1.12.1)
      mini_magick (>= 4.9.5, < 5)
      ruby-vips (>= 2.0.17, < 3)
    jbuilder (2.11.2)
      activesupport (>= 5.0.0)
    jwt (2.2.3)
    kaminari (1.2.1)
      activesupport (>= 4.1.0)
      kaminari-actionview (= 1.2.1)
      kaminari-activerecord (= 1.2.1)
      kaminari-core (= 1.2.1)
    kaminari-actionview (1.2.1)
      actionview
      kaminari-core (= 1.2.1)
    kaminari-activerecord (1.2.1)
      activerecord
      kaminari-core (= 1.2.1)
    kaminari-core (1.2.1)
    kramdown (2.3.1)
      rexml
    listen (3.6.0)
      rb-fsevent (~> 0.10, >= 0.10.3)
      rb-inotify (~> 0.9, >= 0.9.10)
    loofah (2.10.0)
      crass (~> 1.0.2)
      nokogiri (>= 1.5.9)
    mail (2.7.1)
      mini_mime (>= 0.1.1)
    marcel (1.0.1)
    method_source (1.0.0)
    mime-types (3.3.1)
      mime-types-data (~> 3.2015)
    mime-types-data (3.2021.0704)
    mini_magick (4.11.0)
    mini_mime (1.1.0)
    mini_portile2 (2.5.3)
    minitest (5.14.4)
    monetize (1.9.4)
      money (~> 6.12)
    money (6.13.8)
      i18n (>= 0.6.4, <= 2)
    money-rails (1.14.0)
      activesupport (>= 3.0)
      monetize (~> 1.9.0)
      money (~> 6.13.2)
      railties (>= 3.0)
    msgpack (1.4.2)
    multi_json (1.15.0)
    multi_xml (0.6.0)
    multipart-post (2.1.1)
    netrc (0.11.0)
    nio4r (2.5.7)
    nokogiri (1.11.7)
      mini_portile2 (~> 2.5.0)
      racc (~> 1.4)
    oauth2 (1.4.7)
      faraday (>= 0.8, < 2.0)
      jwt (>= 1.0, < 3.0)
      multi_json (~> 1.3)
      multi_xml (~> 0.5)
      rack (>= 1.2, < 3)
    octokit (4.21.0)
      faraday (>= 0.9)
      sawyer (~> 0.8.0, >= 0.5.3)
    omniauth (2.0.4)
      hashie (>= 3.4.6)
      rack (>= 1.6.2, < 3)
      rack-protection
    omniauth-github (2.0.0)
      omniauth (~> 2.0)
      omniauth-oauth2 (~> 1.7.1)
    omniauth-oauth2 (1.7.1)
      oauth2 (~> 1.4)
      omniauth (>= 1.9, < 3)
    paypal-sdk-core (0.3.4)
      multi_json (~> 1.0)
      xml-simple
    paypal-sdk-rest (1.7.4)
      multi_json (~> 1.0)
      xml-simple
    pdf-core (0.9.0)
    pg (1.2.3)
    prawn (2.4.0)
      pdf-core (~> 0.9.0)
      ttfunk (~> 1.7)
    prawn-table (0.2.2)
      prawn (>= 1.3.0, < 3.0.0)
    pry (0.14.1)
      coderay (~> 1.1)
      method_source (~> 1.0)
    pry-rails (0.3.9)
      pry (>= 0.10.4)
    pry-stack_explorer (0.6.1)
      binding_of_caller (~> 1.0)
      pry (~> 0.13)
    public_suffix (4.0.6)
    puma (5.4.0)
      nio4r (~> 2.0)
    racc (1.5.2)
    rack (2.2.3)
    rack-protection (2.1.0)
      rack
    rack-test (1.1.0)
      rack (>= 1.0, < 3)
    rails (6.1.4)
      actioncable (= 6.1.4)
      actionmailbox (= 6.1.4)
      actionmailer (= 6.1.4)
      actionpack (= 6.1.4)
      actiontext (= 6.1.4)
      actionview (= 6.1.4)
      activejob (= 6.1.4)
      activemodel (= 6.1.4)
      activerecord (= 6.1.4)
      activestorage (= 6.1.4)
      activesupport (= 6.1.4)
      bundler (>= 1.15.0)
      railties (= 6.1.4)
      sprockets-rails (>= 2.0.0)
    rails-dom-testing (2.0.3)
      activesupport (>= 4.2.0)
      nokogiri (>= 1.6)
    rails-html-sanitizer (1.3.0)
      loofah (~> 2.3)
    railties (6.1.4)
      actionpack (= 6.1.4)
      activesupport (= 6.1.4)
      method_source
      rake (>= 0.13)
      thor (~> 1.0)
    rake (13.0.6)
    rb-fsevent (0.11.0)
    rb-inotify (0.10.1)
      ffi (~> 1.0)
    redis (4.4.0)
    regexp_parser (2.1.1)
    rest-client (2.1.0)
      http-accept (>= 1.7.0, < 2.0)
      http-cookie (>= 1.0.2, < 2.0)
      mime-types (>= 1.16, < 4.0)
      netrc (~> 0.8)
    rexml (3.2.5)
    roo (2.8.3)
      nokogiri (~> 1)
      rubyzip (>= 1.3.0, < 3.0.0)
    roo-xls (1.2.0)
      nokogiri
      roo (>= 2.0.0, < 3)
      spreadsheet (> 0.9.0)
    rqrcode (2.0.0)
      chunky_png (~> 1.0)
      rqrcode_core (~> 1.0)
    rqrcode_core (1.1.0)
    ruby-ole (1.2.12.2)
    ruby-vips (2.1.2)
      ffi (~> 1.12)
    ruby2_keywords (0.0.5)
    rubyzip (2.3.2)
    rucaptcha (2.5.5)
      railties (>= 3.2)
    rugged (1.1.1)
    sawyer (0.8.2)
      addressable (>= 2.3.5)
      faraday (> 0.8, < 2.0)
    selenium-webdriver (3.142.7)
      childprocess (>= 0.5, < 4.0)
      rubyzip (>= 1.2.2)
    sidekiq (6.2.1)
      connection_pool (>= 2.2.2)
      rack (~> 2.0)
      redis (>= 4.2.0)
    spreadsheet (1.2.9)
      ruby-ole
    spring (2.1.1)
    spring-watcher-listen (2.0.1)
      listen (>= 2.7, < 4.0)
      spring (>= 1.2, < 3.0)
    sprockets (4.0.2)
      concurrent-ruby (~> 1.0)
      rack (> 1, < 3)
    sprockets-rails (3.2.2)
      actionpack (>= 4.0)
      activesupport (>= 4.0)
      sprockets (>= 3.0.0)
    thor (1.1.0)
    timers (4.3.3)
    ttfunk (1.7.0)
    turbo-rails (0.6.0)
      rails (>= 6.0.0)
    tzinfo (2.0.4)
      concurrent-ruby (~> 1.0)
    unf (0.1.4)
      unf_ext
    unf_ext (0.0.7.7)
    web-console (4.1.0)
      actionview (>= 6.0.0)
      activemodel (>= 6.0.0)
      bindex (>= 0.4.0)
      railties (>= 6.0.0)
    websocket-driver (0.7.5)
      websocket-extensions (>= 0.1.0)
    websocket-extensions (0.1.5)
    with_advisory_lock (4.6.0)
      activerecord (>= 4.2)
    write_xlsx (1.07.0)
      rubyzip (>= 1.0.0)
      zip-zip
    xml-simple (1.1.8)
    xpath (3.2.0)
      nokogiri (~> 1.8)
    zeitwerk (2.4.2)
    zip-zip (0.3)
      rubyzip (>= 1.0.0)

PLATFORMS
  ruby

DEPENDENCIES
  active_record_distinct_on
  acts_as_list
  alipay2!
  aliyunsdkcore
  amazing_print
  bcrypt
  bootsnap (>= 1.1.0)
  byebug
  capybara
  default_form!
  default_where!
  factory_bot_rails
  image_processing
  jbuilder
  kaminari
  kramdown
  listen
  mini_magick
  nokogiri
  octokit
  omniauth-github
  omniauth-wechat-oauth2!
  paypal-sdk-core
  paypal-sdk-rest
  pg
  pry-rails
  pry-stack_explorer
  puma
  rails (= 6.1.4)
  rails_agency!
  rails_attend!
  rails_audit!
  rails_auth!
  rails_bench!
  rails_com!
  rails_data!
  rails_detail!
  rails_doc!
  rails_email!
  rails_event!
  rails_factory!
  rails_finance!
  rails_growth!
  rails_interact!
  rails_markdown!
  rails_notice!
  rails_org!
  rails_profile!
  rails_quip!
  rails_role!
  rails_ship!
  rails_trade!
  rails_ui!
  rails_wechat!
  redis
  rexml
  rqrcode
  rucaptcha
  selenium-webdriver
  sidekiq
  spring
  spring-watcher-listen (~> 2.0.0)
  tencentcloud-sdk-common!
  tencentcloud-sdk-ocr!
  turbo-rails
  upyun_rails!
  viter!
  web-console
  wx_pay!

BUNDLED WITH
   2.2.22
