GIT
  remote: https://gitee.com/qinmingyuan/alipay2.git
  revision: 6e0f880d225caf07927819076c4ebdef58d2be0f
  specs:
    alipay2 (2.0)

GIT
  remote: https://gitee.com/qinmingyuan/default_where.git
  revision: d55177c3df619100e5c7e0593252b69647ba9f2a
  specs:
    default_where (2.3.0)
      activerecord (>= 4.0, <= 7.1)

GIT
  remote: https://gitee.com/qinmingyuan/upyun_rails.git
  revision: 4bc1d6ba1867fd3a88be4cf68e91d7443c717261
  specs:
    upyun_rails (0.1.0)
      activestorage
      rest-client

GIT
  remote: https://gitee.com/qinmingyuan/wx_pay.git
  revision: 9ff08bf96c8173dc630010486b19968730c0d957
  specs:
    wx_pay (0.21.0)
      activesupport (>= 3.2)
      rest-client (>= 2.0.0)

GIT
  remote: https://gitee.com/tencentcloud/tencentcloud-sdk-ruby.git
  revision: 3ee80eee8466d78b3ea6b2f1974f3515711cc480
  specs:
    tencentcloud-sdk-common (1.0.294)
    tencentcloud-sdk-ocr (1.0.294)
      tencentcloud-sdk-common (~> 1.0)

GIT
  remote: https://gitee.com/work-design/rails_agency.git
  revision: 462babe123e4e1e376f113ba60b3b9c9671e61ec
  specs:
    rails_agency (0.0.1)
      rails_extend

GIT
  remote: https://gitee.com/work-design/rails_attend.git
  revision: 917bfec64588313f99bf1eca5b487033fc71c435
  specs:
    rails_attend (0.0.1)
      rails_com (~> 1.2)

GIT
  remote: https://gitee.com/work-design/rails_audit.git
  revision: b1b8e097491412b5f21616deba33af7f0459629b
  specs:
    rails_audit (1.0.4)
      rails_com (~> 1.2)

GIT
  remote: https://gitee.com/work-design/rails_auth.git
  revision: b4ff4e80da7289a74ce9a03e8dd409b1fb17b11e
  specs:
    rails_auth (1.2.0)
      bcrypt (~> 3.1)
      jwt (>= 2.0, <= 3.0)
      rails_com (~> 1.2)

GIT
  remote: https://gitee.com/work-design/rails_bench.git
  revision: 7e647c02b1504900c2e43050f6df8eebe1c8b0ec
  specs:
    rails_bench (0.0.2)
      rails_com (~> 1.2)

GIT
  remote: https://gitee.com/work-design/rails_com.git
  revision: 8ca4be9c4178227ade9b553bd4325a6203e74da8
  specs:
    rails_com (1.3.0)
      acme-client
      acts_as_list (>= 1.0)
      closure_tree (>= 7.3)
      default_where (~> 2.2)
      http-form_data (~> 2.3)
      httpx (~> 0.16)
      jbuilder
      kaminari
      net-http
      net-imap
      net-pop
      net-smtp
      rails (>= 6.1)
      rails_extend
      turbo-rails

GIT
  remote: https://gitee.com/work-design/rails_data.git
  revision: b6dc2311611abd113440303b2c5c7bc71fb7f01e
  specs:
    rails_data (1.0.2)
      matrix
      prawn
      prawn-table
      rails_extend
      roo
      roo-xls
      write_xlsx

GIT
  remote: https://gitee.com/work-design/rails_design.git
  revision: 1dbe9146d0866a4d7308345303e91609ad1c10b3
  specs:
    rails_design (0.0.1)
      rails

GIT
  remote: https://gitee.com/work-design/rails_detail.git
  revision: e46b500eef2c44ee77a1fa0361a68cb4fbb79133
  specs:
    rails_detail (0.0.1)
      rails_com (~> 1.2)

GIT
  remote: https://gitee.com/work-design/rails_doc.git
  revision: dea7c88e3b097474de935ad94af818f606e662dd
  specs:
    rails_doc (0.0.2)
      rails_com (>= 1.2)

GIT
  remote: https://gitee.com/work-design/rails_email.git
  revision: f4d71244f8a8f81ff0b042a710c1023b1f4eafe8
  specs:
    rails_email (2.1.6)
      rails_auth
      rails_com (~> 1.2)

GIT
  remote: https://gitee.com/work-design/rails_event.git
  revision: 88b80d43392594742b4de49d9ae0471b2aa959bc
  specs:
    rails_event (0.0.1)
      rails_com (~> 1.2)

GIT
  remote: https://gitee.com/work-design/rails_extend.git
  revision: d18738fc531c95e7e2632ad78d1d8d979cda3ae6
  specs:
    rails_extend (1.0.1)
      rails (>= 5.0)

GIT
  remote: https://gitee.com/work-design/rails_factory.git
  revision: 74966674e6145f0cd48afa639585b201302f226c
  specs:
    rails_factory (0.0.1)
      rails_com (~> 1.2)

GIT
  remote: https://gitee.com/work-design/rails_finance.git
  revision: ce8a931b6b75b40115043fc0a9b76ce1f076da12
  specs:
    rails_finance (0.0.1)
      prawn
      rails_com (~> 1.2)

GIT
  remote: https://gitee.com/work-design/rails_growth.git
  revision: 4448c72f043b9d1d793e984a3ad5bf8d8875d514
  specs:
    rails_growth (0.0.1)
      rails_com (~> 1.2)

GIT
  remote: https://gitee.com/work-design/rails_interact.git
  revision: e6303203399d9667568cf414f8a8431b9a768a39
  specs:
    rails_interact (0.0.1)
      rails_com (~> 1.2)
      rails_notice (>= 0.1)

GIT
  remote: https://gitee.com/work-design/rails_markdown.git
  revision: ae80c40e65dbcee02a2d5292526992a5e5a4ea54
  specs:
    rails_markdown (0.0.1)
      kramdown
      nokogiri
      rails_com

GIT
  remote: https://gitee.com/work-design/rails_notice.git
  revision: 3ea227bfbd718324d33300b0aa9cb9a0413f66c0
  specs:
    rails_notice (1.0.3)
      rails_extend

GIT
  remote: https://gitee.com/work-design/rails_org.git
  revision: 3434903f02746e9b7142175028424119326d0b42
  specs:
    rails_org (0.0.1)
      rails_com (~> 1.2)

GIT
  remote: https://gitee.com/work-design/rails_profile.git
  revision: 11be1f34d7e1bfc49c671847658af00851be881a
  specs:
    rails_profile (0.0.1)
      rails_com (~> 1.2)

GIT
  remote: https://gitee.com/work-design/rails_quip.git
  revision: bc3dc9e4aaf34950333a145adaf6156e6ff69db3
  specs:
    rails_quip (0.1.0)
      httpx
      rails_com (~> 1.2)
      rails_detail

GIT
  remote: https://gitee.com/work-design/rails_ship.git
  revision: ac217cbeacd2de25ca21be2199ecd95020d839dc
  specs:
    rails_ship (0.0.1)
      rails_extend

GIT
  remote: https://gitee.com/work-design/rails_trade.git
  revision: a2e8e631218d8bf9d59d55e20cbc4d29b1d7cdfb
  specs:
    rails_trade (0.0.3)
      money-rails (~> 1.14)
      rails_extend
      rails_notice

GIT
  remote: https://gitee.com/work-design/rails_wechat.git
  revision: 1e4bbe9e2c00f147d64ebb76d02b0abf641213f3
  specs:
    rails_wechat (0.1.2)
      http-form_data (~> 2.3)
      httpx (~> 0.18)
      rails_extend
      rqrcode

GEM
  remote: https://rubygems.org/
  specs:
    acme-client (2.0.10)
      faraday (>= 1.0, < 3.0.0)
      faraday-retry (~> 1.0)
    actioncable (7.0.2.3)
      actionpack (= 7.0.2.3)
      activesupport (= 7.0.2.3)
      nio4r (~> 2.0)
      websocket-driver (>= 0.6.1)
    actionmailbox (7.0.2.3)
      actionpack (= 7.0.2.3)
      activejob (= 7.0.2.3)
      activerecord (= 7.0.2.3)
      activestorage (= 7.0.2.3)
      activesupport (= 7.0.2.3)
      mail (>= 2.7.1)
      net-imap
      net-pop
      net-smtp
    actionmailer (7.0.2.3)
      actionpack (= 7.0.2.3)
      actionview (= 7.0.2.3)
      activejob (= 7.0.2.3)
      activesupport (= 7.0.2.3)
      mail (~> 2.5, >= 2.5.4)
      net-imap
      net-pop
      net-smtp
      rails-dom-testing (~> 2.0)
    actionpack (7.0.2.3)
      actionview (= 7.0.2.3)
      activesupport (= 7.0.2.3)
      rack (~> 2.0, >= 2.2.0)
      rack-test (>= 0.6.3)
      rails-dom-testing (~> 2.0)
      rails-html-sanitizer (~> 1.0, >= 1.2.0)
    actiontext (7.0.2.3)
      actionpack (= 7.0.2.3)
      activerecord (= 7.0.2.3)
      activestorage (= 7.0.2.3)
      activesupport (= 7.0.2.3)
      globalid (>= 0.6.0)
      nokogiri (>= 1.8.5)
    actionview (7.0.2.3)
      activesupport (= 7.0.2.3)
      builder (~> 3.1)
      erubi (~> 1.4)
      rails-dom-testing (~> 2.0)
      rails-html-sanitizer (~> 1.1, >= 1.2.0)
    activejob (7.0.2.3)
      activesupport (= 7.0.2.3)
      globalid (>= 0.3.6)
    activemodel (7.0.2.3)
      activesupport (= 7.0.2.3)
    activerecord (7.0.2.3)
      activemodel (= 7.0.2.3)
      activesupport (= 7.0.2.3)
    activestorage (7.0.2.3)
      actionpack (= 7.0.2.3)
      activejob (= 7.0.2.3)
      activerecord (= 7.0.2.3)
      activesupport (= 7.0.2.3)
      marcel (~> 1.0)
      mini_mime (>= 1.1.0)
    activesupport (7.0.2.3)
      concurrent-ruby (~> 1.0, >= 1.0.2)
      i18n (>= 1.6, < 2)
      minitest (>= 5.1)
      tzinfo (~> 2.0)
    acts_as_list (1.0.4)
      activerecord (>= 4.2)
    addressable (2.8.0)
      public_suffix (>= 2.0.2, < 5.0)
    aliyunsdkcore (0.0.17)
      activesupport (>= 3.0.0)
      faraday (>= 0.15.4)
    amazing_print (1.4.0)
    bcrypt (3.1.17)
    bindex (0.8.1)
    bootsnap (1.11.1)
      msgpack (~> 1.2)
    builder (3.2.4)
    capybara (3.36.0)
      addressable
      matrix
      mini_mime (>= 0.1.3)
      nokogiri (~> 1.8)
      rack (>= 1.6.0)
      rack-test (>= 0.6.3)
      regexp_parser (>= 1.5, < 3.0)
      xpath (~> 3.2)
    childprocess (4.1.0)
    chunky_png (1.4.0)
    closure_tree (7.4.0)
      activerecord (>= 4.2.10)
      with_advisory_lock (>= 4.0.0)
    concurrent-ruby (1.1.10)
    crass (1.0.6)
    debug (1.5.0)
      irb (>= 1.3.6)
      reline (>= 0.2.7)
    digest (3.1.0)
    domain_name (0.5.20190701)
      unf (>= 0.0.5, < 1.0.0)
    erubi (1.10.0)
    et-orbi (1.2.7)
      tzinfo
    faraday (1.10.0)
      faraday-em_http (~> 1.0)
      faraday-em_synchrony (~> 1.0)
      faraday-excon (~> 1.1)
      faraday-httpclient (~> 1.0)
      faraday-multipart (~> 1.0)
      faraday-net_http (~> 1.0)
      faraday-net_http_persistent (~> 1.0)
      faraday-patron (~> 1.0)
      faraday-rack (~> 1.0)
      faraday-retry (~> 1.0)
      ruby2_keywords (>= 0.0.4)
    faraday-em_http (1.0.0)
    faraday-em_synchrony (1.0.0)
    faraday-excon (1.1.0)
    faraday-httpclient (1.0.1)
    faraday-multipart (1.0.3)
      multipart-post (>= 1.2, < 3)
    faraday-net_http (1.0.1)
    faraday-net_http_persistent (1.2.0)
    faraday-patron (1.0.0)
    faraday-rack (1.0.0)
    faraday-retry (1.0.3)
    ffi (1.15.5)
    fugit (1.5.3)
      et-orbi (~> 1, >= 1.2.7)
      raabro (~> 1.4)
    globalid (1.0.0)
      activesupport (>= 5.0)
    good_job (2.12.0)
      activejob (>= 5.2.0)
      activerecord (>= 5.2.0)
      concurrent-ruby (>= 1.0.2)
      fugit (>= 1.1)
      railties (>= 5.2.0)
      thor (>= 0.14.1)
      webrick (>= 1.3)
      zeitwerk (>= 2.0)
    hashie (5.0.0)
    http-2-next (0.5.0)
    http-accept (1.7.0)
    http-cookie (1.0.4)
      domain_name (~> 0.5)
    http-form_data (2.3.0)
    httpx (0.19.7)
      http-2-next (>= 0.4.1)
    i18n (1.10.0)
      concurrent-ruby (~> 1.0)
    image_processing (1.12.2)
      mini_magick (>= 4.9.5, < 5)
      ruby-vips (>= 2.0.17, < 3)
    io-console (0.5.11)
    irb (1.4.1)
      reline (>= 0.3.0)
    jbuilder (2.11.5)
      actionview (>= 5.0.0)
      activesupport (>= 5.0.0)
    jwt (2.3.0)
    kaminari (1.2.2)
      activesupport (>= 4.1.0)
      kaminari-actionview (= 1.2.2)
      kaminari-activerecord (= 1.2.2)
      kaminari-core (= 1.2.2)
    kaminari-actionview (1.2.2)
      actionview
      kaminari-core (= 1.2.2)
    kaminari-activerecord (1.2.2)
      activerecord
      kaminari-core (= 1.2.2)
    kaminari-core (1.2.2)
    kramdown (2.3.2)
      rexml
    listen (3.7.1)
      rb-fsevent (~> 0.10, >= 0.10.3)
      rb-inotify (~> 0.9, >= 0.9.10)
    loofah (2.16.0)
      crass (~> 1.0.2)
      nokogiri (>= 1.5.9)
    mail (2.7.1)
      mini_mime (>= 0.1.1)
    marcel (1.0.2)
    matrix (0.4.2)
    method_source (1.0.0)
    mime-types (3.4.1)
      mime-types-data (~> 3.2015)
    mime-types-data (3.2022.0105)
    mini_magick (4.11.0)
    mini_mime (1.1.2)
    mini_portile2 (2.8.0)
    minitest (5.15.0)
    monetize (1.12.0)
      money (~> 6.12)
    money (6.16.0)
      i18n (>= 0.6.4, <= 2)
    money-rails (1.15.0)
      activesupport (>= 3.0)
      monetize (~> 1.9)
      money (~> 6.13)
      railties (>= 3.0)
    msgpack (1.5.1)
    multi_json (1.15.0)
    multi_xml (0.6.0)
    multipart-post (2.1.1)
    net-http (0.2.0)
      net-protocol
      uri
    net-imap (0.2.3)
      digest
      net-protocol
      strscan
    net-pop (0.1.1)
      digest
      net-protocol
      timeout
    net-protocol (0.1.3)
      timeout
    net-smtp (0.3.1)
      digest
      net-protocol
      timeout
    netrc (0.11.0)
    nio4r (2.5.8)
    nokogiri (1.13.6)
      mini_portile2 (~> 2.8.0)
      racc (~> 1.4)
    nokogiri (1.13.6-arm64-darwin)
      racc (~> 1.4)
    nokogiri (1.13.6-x86_64-linux)
      racc (~> 1.4)
    oauth2 (1.4.9)
      faraday (>= 0.17.3, < 3.0)
      jwt (>= 1.0, < 3.0)
      multi_json (~> 1.3)
      multi_xml (~> 0.5)
      rack (>= 1.2, < 3)
    octokit (4.22.0)
      faraday (>= 0.9)
      sawyer (~> 0.8.0, >= 0.5.3)
    omniauth (2.0.4)
      hashie (>= 3.4.6)
      rack (>= 1.6.2, < 3)
      rack-protection
    omniauth-github (2.0.0)
      omniauth (~> 2.0)
      omniauth-oauth2 (~> 1.7.1)
    omniauth-oauth2 (1.7.2)
      oauth2 (~> 1.4)
      omniauth (>= 1.9, < 3)
    omniauth-rails_csrf_protection (1.0.1)
      actionpack (>= 4.2)
      omniauth (~> 2.0)
    paypal-sdk-core (0.3.4)
      multi_json (~> 1.0)
      xml-simple
    paypal-sdk-rest (1.7.4)
      multi_json (~> 1.0)
      xml-simple
    pdf-core (0.9.0)
    pg (1.3.5)
    prawn (2.4.0)
      pdf-core (~> 0.9.0)
      ttfunk (~> 1.7)
    prawn-table (0.2.2)
      prawn (>= 1.3.0, < 3.0.0)
    propshaft (0.6.4)
      actionpack (>= 7.0.0)
      activesupport (>= 7.0.0)
      rack
      railties (>= 7.0.0)
    public_suffix (4.0.7)
    puma (5.6.4)
      nio4r (~> 2.0)
    raabro (1.4.0)
    racc (1.6.0)
    rack (2.2.3)
    rack-protection (2.2.0)
      rack
    rack-test (1.1.0)
      rack (>= 1.0, < 3)
    rails (7.0.2.3)
      actioncable (= 7.0.2.3)
      actionmailbox (= 7.0.2.3)
      actionmailer (= 7.0.2.3)
      actionpack (= 7.0.2.3)
      actiontext (= 7.0.2.3)
      actionview (= 7.0.2.3)
      activejob (= 7.0.2.3)
      activemodel (= 7.0.2.3)
      activerecord (= 7.0.2.3)
      activestorage (= 7.0.2.3)
      activesupport (= 7.0.2.3)
      bundler (>= 1.15.0)
      railties (= 7.0.2.3)
    rails-dom-testing (2.0.3)
      activesupport (>= 4.2.0)
      nokogiri (>= 1.6)
    rails-html-sanitizer (1.4.2)
      loofah (~> 2.3)
    railties (7.0.2.3)
      actionpack (= 7.0.2.3)
      activesupport (= 7.0.2.3)
      method_source
      rake (>= 12.2)
      thor (~> 1.0)
      zeitwerk (~> 2.5)
    rake (13.0.6)
    rb-fsevent (0.11.1)
    rb-inotify (0.10.1)
      ffi (~> 1.0)
    redis (4.6.0)
    regexp_parser (2.3.0)
    reline (0.3.1)
      io-console (~> 0.5)
    rest-client (2.1.0)
      http-accept (>= 1.7.0, < 2.0)
      http-cookie (>= 1.0.2, < 2.0)
      mime-types (>= 1.16, < 4.0)
      netrc (~> 0.8)
    rexml (3.2.5)
    roo (2.9.0)
      nokogiri (~> 1)
      rubyzip (>= 1.3.0, < 3.0.0)
    roo-xls (1.2.0)
      nokogiri
      roo (>= 2.0.0, < 3)
      spreadsheet (> 0.9.0)
    rqrcode (2.1.1)
      chunky_png (~> 1.0)
      rqrcode_core (~> 1.0)
    rqrcode_core (1.2.0)
    ruby-ole (1.2.12.2)
    ruby-vips (2.1.4)
      ffi (~> 1.12)
    ruby2_keywords (0.0.5)
    rubyzip (2.3.2)
    rucaptcha (2.6.1)
      railties (>= 3.2)
    sawyer (0.8.2)
      addressable (>= 2.3.5)
      faraday (> 0.8, < 2.0)
    sd_notify (0.1.1)
    selenium-webdriver (4.1.0)
      childprocess (>= 0.5, < 5.0)
      rexml (~> 3.2, >= 3.2.5)
      rubyzip (>= 1.2.2)
    spreadsheet (1.3.0)
      ruby-ole
    strscan (3.0.1)
    thor (1.2.1)
    timeout (0.2.0)
    ttfunk (1.7.0)
    turbo-rails (1.0.1)
      actionpack (>= 6.0.0)
      railties (>= 6.0.0)
    tzinfo (2.0.4)
      concurrent-ruby (~> 1.0)
    unf (0.1.4)
      unf_ext
    unf_ext (0.0.8.1)
    uri (0.11.0)
    web-console (4.2.0)
      actionview (>= 6.0.0)
      activemodel (>= 6.0.0)
      bindex (>= 0.4.0)
      railties (>= 6.0.0)
    webrick (1.7.0)
    websocket-driver (0.7.5)
      websocket-extensions (>= 0.1.0)
    websocket-extensions (0.1.5)
    with_advisory_lock (4.6.0)
      activerecord (>= 4.2)
    write_xlsx (1.09.2)
      rubyzip (>= 1.0.0)
      zip-zip
    xml-simple (1.1.9)
      rexml
    xpath (3.2.0)
      nokogiri (~> 1.8)
    zeitwerk (2.5.4)
    zip-zip (0.3)
      rubyzip (>= 1.0.0)

PLATFORMS
  arm64-darwin
  ruby
  x86_64-linux

DEPENDENCIES
  alipay2!
  aliyunsdkcore
  amazing_print
  bcrypt
  bootsnap (>= 1.1.0)
  capybara
  debug
  default_where!
  good_job
  image_processing
  listen
  mini_magick
  nokogiri
  octokit
  omniauth-github
  omniauth-rails_csrf_protection
  paypal-sdk-core
  paypal-sdk-rest
  pg
  propshaft
  puma
  rails
  rails_agency!
  rails_attend!
  rails_audit!
  rails_auth!
  rails_bench!
  rails_com!
  rails_data!
  rails_design!
  rails_detail!
  rails_doc!
  rails_email!
  rails_event!
  rails_extend!
  rails_factory!
  rails_finance!
  rails_growth!
  rails_interact!
  rails_markdown!
  rails_notice!
  rails_org!
  rails_profile!
  rails_quip!
  rails_ship!
  rails_trade!
  rails_wechat!
  redis
  rexml
  rqrcode
  rucaptcha
  sd_notify
  selenium-webdriver
  tencentcloud-sdk-common!
  tencentcloud-sdk-ocr!
  turbo-rails
  upyun_rails!
  web-console
  wx_pay!

BUNDLED WITH
   2.3.4
