GIT
  remote: https://gitee.com/qinmingyuan/alipay2.git
  revision: 6e0f880d225caf07927819076c4ebdef58d2be0f
  specs:
    alipay2 (2.0)

GIT
  remote: https://gitee.com/qinmingyuan/default_where.git
  revision: 98bf013d5e4b6733b047c8c15e0f9c445f4f1984
  specs:
    default_where (2.3.0)
      activerecord (>= 4.0, <= 7.0)

GIT
  remote: https://gitee.com/qinmingyuan/upyun_rails.git
  revision: b739c7c548a99bf565015765c012202132613507
  specs:
    upyun_rails (0.1.0)
      activestorage
      rest-client

GIT
  remote: https://gitee.com/qinmingyuan/wx_pay.git
  revision: 9ff08bf96c8173dc630010486b19968730c0d957
  specs:
    wx_pay (0.21.0)
      activesupport (>= 3.2)
      rest-client (>= 2.0.0)

GIT
  remote: https://gitee.com/tencentcloud/tencentcloud-sdk-ruby.git
  revision: b28e4b72d998940f7938c99be5451c857c0ab30f
  specs:
    tencentcloud-sdk-common (1.0.228)
    tencentcloud-sdk-ocr (1.0.228)
      tencentcloud-sdk-common (~> 1.0)

GIT
  remote: https://gitee.com/work-design/rails_agency.git
  revision: d3c9196684952b9be45e43b3d0e5169403d30e25
  specs:
    rails_agency (0.0.1)
      rails_extend

GIT
  remote: https://gitee.com/work-design/rails_attend.git
  revision: 1e22ba099b239ca45e340c46cd253f7a1d398651
  specs:
    rails_attend (0.0.1)
      rails_com (~> 1.2)

GIT
  remote: https://gitee.com/work-design/rails_audit.git
  revision: c842f143e2b9340fd07ba660e830eddd041bb488
  specs:
    rails_audit (1.0.4)
      rails_com (~> 1.2)

GIT
  remote: https://gitee.com/work-design/rails_auth.git
  revision: 20931c7b0017e203084d2a2a0c9b1ba0fd11a77e
  specs:
    rails_auth (1.2.0)
      bcrypt (~> 3.1)
      jwt (>= 2.0, <= 3.0)
      rails_com (~> 1.2)

GIT
  remote: https://gitee.com/work-design/rails_bench.git
  revision: b7935c5e54288aced1ba3a766bf945233de2e5af
  specs:
    rails_bench (0.0.2)
      rails_com (~> 1.2)

GIT
  remote: https://gitee.com/work-design/rails_com.git
  revision: be1fe586803152d7867ff4ed7262885fc670e31a
  specs:
    rails_com (1.3.0)
      acme-client
      acts_as_list (>= 1.0)
      closure_tree (>= 7.3)
      default_where (~> 2.2)
      http-form_data (~> 2.3)
      httpx (~> 0.16)
      jbuilder
      kaminari
      net-http
      net-imap
      net-pop
      net-smtp
      rails (>= 6.1)
      rails_extend
      turbo-rails

GIT
  remote: https://gitee.com/work-design/rails_data.git
  revision: fb4995976931214d401b5ed4177872fc618c526c
  specs:
    rails_data (1.0.2)
      matrix
      prawn
      prawn-table
      rails_extend
      roo
      roo-xls
      write_xlsx

GIT
  remote: https://gitee.com/work-design/rails_design.git
  revision: 214035b9a720fd6497cb8d5019ae44f4532ce7e9
  specs:
    rails_design (0.0.1)
      rails

GIT
  remote: https://gitee.com/work-design/rails_detail.git
  revision: 17bdca1d034c9c1452fa09c7111668cf589d18d0
  specs:
    rails_detail (0.0.1)
      rails_com (~> 1.2)

GIT
  remote: https://gitee.com/work-design/rails_doc.git
  revision: b08acac3fcfa41d62dc1d1a43d07445add8a019f
  specs:
    rails_doc (0.0.2)
      rails_com (>= 1.2)

GIT
  remote: https://gitee.com/work-design/rails_email.git
  revision: 456861f92e0ea4de5fb506e3a89b6da56ddd179a
  specs:
    rails_email (2.1.6)
      rails_auth
      rails_com (~> 1.2)

GIT
  remote: https://gitee.com/work-design/rails_event.git
  revision: 78b3fa6f2384239baccc99bf61453c21c9377429
  specs:
    rails_event (0.0.1)
      rails_com (~> 1.2)

GIT
  remote: https://gitee.com/work-design/rails_extend.git
  revision: c41a2dbac04b62f9af113316390a547157a8e7cc
  specs:
    rails_extend (1.0.1)
      rails (>= 5.0)

GIT
  remote: https://gitee.com/work-design/rails_factory.git
  revision: 434e3ec19f46834737892cf5b841a427d21e7b58
  specs:
    rails_factory (0.0.1)
      rails_com (~> 1.2)

GIT
  remote: https://gitee.com/work-design/rails_finance.git
  revision: d5c1db3d1bfc2cb69cc7ed72ffb9dc1b6a0bace8
  specs:
    rails_finance (0.0.1)
      prawn
      rails_com (~> 1.2)

GIT
  remote: https://gitee.com/work-design/rails_growth.git
  revision: 5454a50665473350e803da3d629d1caadc4f6a14
  specs:
    rails_growth (0.0.1)
      rails_com (~> 1.2)

GIT
  remote: https://gitee.com/work-design/rails_interact.git
  revision: 499b124bfe76720309ebcd09a733518a9e86ad04
  specs:
    rails_interact (0.1.0)
      rails_com (~> 1.2)
      rails_notice (>= 0.1)

GIT
  remote: https://gitee.com/work-design/rails_markdown.git
  revision: d7627ade277756551f08e9b3946ab3f9fb5bf73a
  specs:
    rails_markdown (0.0.1)
      kramdown
      nokogiri
      rails_com

GIT
  remote: https://gitee.com/work-design/rails_notice.git
  revision: a5513ec0fa6e988c30e056cbe296873a481913ae
  specs:
    rails_notice (1.0.3)
      rails_extend

GIT
  remote: https://gitee.com/work-design/rails_org.git
  revision: 8649099e71d329aa727115aa2da749d1688917a1
  specs:
    rails_org (0.0.1)
      rails_com (~> 1.2)

GIT
  remote: https://gitee.com/work-design/rails_profile.git
  revision: 58d6f4df824d7f266eadec99b57673838db2c4a4
  specs:
    rails_profile (0.0.1)
      rails_com (~> 1.2)

GIT
  remote: https://gitee.com/work-design/rails_quip.git
  revision: bc3dc9e4aaf34950333a145adaf6156e6ff69db3
  specs:
    rails_quip (0.1.0)
      httpx
      rails_com (~> 1.2)
      rails_detail

GIT
  remote: https://gitee.com/work-design/rails_role.git
  revision: eca0dba08acba96cb4a6502a0448d7f9d2151d07
  specs:
    rails_role (1.0.4)
      rails_com (~> 1.2)

GIT
  remote: https://gitee.com/work-design/rails_ship.git
  revision: a68b39175d1fbdd3488f9e10e2992ba9e8a9c2b4
  specs:
    rails_ship (0.0.1)
      rails_extend

GIT
  remote: https://gitee.com/work-design/rails_trade.git
  revision: 07fd42c1cc7aaf86cb27c4a3ced1f67c247e2560
  specs:
    rails_trade (0.0.3)
      money-rails (~> 1.14)
      rails_extend
      rails_notice

GIT
  remote: https://gitee.com/work-design/rails_vite.git
  revision: 9c3213edafc83d8b9273909ca05288ee34ebe1d3
  specs:
    rails_vite (0.0.1)
      rails

GIT
  remote: https://gitee.com/work-design/rails_wechat.git
  revision: 395e4bd6464ed8b9eef6184f6188376b0fb5c60d
  specs:
    rails_wechat (0.1.2)
      http-form_data (~> 2.3)
      httpx (~> 0.18)
      rails_extend
      rqrcode

GEM
  remote: https://rubygems.org/
  specs:
    acme-client (2.0.9)
      faraday (>= 0.17, < 2.0.0)
    actioncable (7.0.0)
      actionpack (= 7.0.0)
      activesupport (= 7.0.0)
      nio4r (~> 2.0)
      websocket-driver (>= 0.6.1)
    actionmailbox (7.0.0)
      actionpack (= 7.0.0)
      activejob (= 7.0.0)
      activerecord (= 7.0.0)
      activestorage (= 7.0.0)
      activesupport (= 7.0.0)
      mail (>= 2.7.1)
    actionmailer (7.0.0)
      actionpack (= 7.0.0)
      actionview (= 7.0.0)
      activejob (= 7.0.0)
      activesupport (= 7.0.0)
      mail (~> 2.5, >= 2.5.4)
      rails-dom-testing (~> 2.0)
    actionpack (7.0.0)
      actionview (= 7.0.0)
      activesupport (= 7.0.0)
      rack (~> 2.0, >= 2.2.0)
      rack-test (>= 0.6.3)
      rails-dom-testing (~> 2.0)
      rails-html-sanitizer (~> 1.0, >= 1.2.0)
    actiontext (7.0.0)
      actionpack (= 7.0.0)
      activerecord (= 7.0.0)
      activestorage (= 7.0.0)
      activesupport (= 7.0.0)
      globalid (>= 0.6.0)
      nokogiri (>= 1.8.5)
    actionview (7.0.0)
      activesupport (= 7.0.0)
      builder (~> 3.1)
      erubi (~> 1.4)
      rails-dom-testing (~> 2.0)
      rails-html-sanitizer (~> 1.1, >= 1.2.0)
    activejob (7.0.0)
      activesupport (= 7.0.0)
      globalid (>= 0.3.6)
    activemodel (7.0.0)
      activesupport (= 7.0.0)
    activerecord (7.0.0)
      activemodel (= 7.0.0)
      activesupport (= 7.0.0)
    activestorage (7.0.0)
      actionpack (= 7.0.0)
      activejob (= 7.0.0)
      activerecord (= 7.0.0)
      activesupport (= 7.0.0)
      marcel (~> 1.0)
      mini_mime (>= 1.1.0)
    activesupport (7.0.0)
      concurrent-ruby (~> 1.0, >= 1.0.2)
      i18n (>= 1.6, < 2)
      minitest (>= 5.1)
      tzinfo (~> 2.0)
    acts_as_list (1.0.4)
      activerecord (>= 4.2)
    addressable (2.8.0)
      public_suffix (>= 2.0.2, < 5.0)
    aliyunsdkcore (0.0.17)
      activesupport (>= 3.0.0)
      faraday (>= 0.15.4)
    amazing_print (1.4.0)
    bcrypt (3.1.16)
    bindex (0.8.1)
    bootsnap (1.9.3)
      msgpack (~> 1.0)
    builder (3.2.4)
    capybara (3.36.0)
      addressable
      matrix
      mini_mime (>= 0.1.3)
      nokogiri (~> 1.8)
      rack (>= 1.6.0)
      rack-test (>= 0.6.3)
      regexp_parser (>= 1.5, < 3.0)
      xpath (~> 3.2)
    childprocess (4.1.0)
    chunky_png (1.4.0)
    closure_tree (7.4.0)
      activerecord (>= 4.2.10)
      with_advisory_lock (>= 4.0.0)
    concurrent-ruby (1.1.9)
    connection_pool (2.2.5)
    crass (1.0.6)
    debug (1.4.0)
      irb (>= 1.3.6)
      reline (>= 0.2.7)
    digest (3.0.0)
    domain_name (0.5.20190701)
      unf (>= 0.0.5, < 1.0.0)
    erubi (1.10.0)
    faraday (1.8.0)
      faraday-em_http (~> 1.0)
      faraday-em_synchrony (~> 1.0)
      faraday-excon (~> 1.1)
      faraday-httpclient (~> 1.0.1)
      faraday-net_http (~> 1.0)
      faraday-net_http_persistent (~> 1.1)
      faraday-patron (~> 1.0)
      faraday-rack (~> 1.0)
      multipart-post (>= 1.2, < 3)
      ruby2_keywords (>= 0.0.4)
    faraday-em_http (1.0.0)
    faraday-em_synchrony (1.0.0)
    faraday-excon (1.1.0)
    faraday-httpclient (1.0.1)
    faraday-net_http (1.0.1)
    faraday-net_http_persistent (1.2.0)
    faraday-patron (1.0.0)
    faraday-rack (1.0.0)
    ffi (1.15.4)
    globalid (1.0.0)
      activesupport (>= 5.0)
    hashie (5.0.0)
    http-2-next (0.5.0)
    http-accept (1.7.0)
    http-cookie (1.0.4)
      domain_name (~> 0.5)
    http-form_data (2.3.0)
    httpx (0.18.3)
      http-2-next (>= 0.4.1)
    i18n (1.8.11)
      concurrent-ruby (~> 1.0)
    image_processing (1.12.1)
      mini_magick (>= 4.9.5, < 5)
      ruby-vips (>= 2.0.17, < 3)
    io-console (0.5.9)
    io-wait (0.2.1)
    irb (1.3.7)
      reline (>= 0.2.7)
    jbuilder (2.11.5)
      actionview (>= 5.0.0)
      activesupport (>= 5.0.0)
    jwt (2.3.0)
    kaminari (1.2.1)
      activesupport (>= 4.1.0)
      kaminari-actionview (= 1.2.1)
      kaminari-activerecord (= 1.2.1)
      kaminari-core (= 1.2.1)
    kaminari-actionview (1.2.1)
      actionview
      kaminari-core (= 1.2.1)
    kaminari-activerecord (1.2.1)
      activerecord
      kaminari-core (= 1.2.1)
    kaminari-core (1.2.1)
    kramdown (2.3.1)
      rexml
    listen (3.7.0)
      rb-fsevent (~> 0.10, >= 0.10.3)
      rb-inotify (~> 0.9, >= 0.9.10)
    loofah (2.13.0)
      crass (~> 1.0.2)
      nokogiri (>= 1.5.9)
    mail (2.7.1)
      mini_mime (>= 0.1.1)
    marcel (1.0.2)
    matrix (0.4.2)
    method_source (1.0.0)
    mime-types (3.4.1)
      mime-types-data (~> 3.2015)
    mime-types-data (3.2021.1115)
    mini_magick (4.11.0)
    mini_mime (1.1.2)
    mini_portile2 (2.6.1)
    minitest (5.15.0)
    monetize (1.11.0)
      money (~> 6.12)
    money (6.16.0)
      i18n (>= 0.6.4, <= 2)
    money-rails (1.15.0)
      activesupport (>= 3.0)
      monetize (~> 1.9)
      money (~> 6.13)
      railties (>= 3.0)
    msgpack (1.4.2)
    multi_json (1.15.0)
    multi_xml (0.6.0)
    multipart-post (2.1.1)
    net-http (0.2.0)
      net-protocol
      uri
    net-imap (0.2.2)
      digest
      net-protocol
      strscan
    net-pop (0.1.1)
      digest
      net-protocol
      timeout
    net-protocol (0.1.2)
      io-wait
      timeout
    net-smtp (0.3.1)
      digest
      net-protocol
      timeout
    netrc (0.11.0)
    nio4r (2.5.8)
    nokogiri (1.12.5)
      mini_portile2 (~> 2.6.1)
      racc (~> 1.4)
    oauth2 (1.4.7)
      faraday (>= 0.8, < 2.0)
      jwt (>= 1.0, < 3.0)
      multi_json (~> 1.3)
      multi_xml (~> 0.5)
      rack (>= 1.2, < 3)
    octokit (4.21.0)
      faraday (>= 0.9)
      sawyer (~> 0.8.0, >= 0.5.3)
    omniauth (2.0.4)
      hashie (>= 3.4.6)
      rack (>= 1.6.2, < 3)
      rack-protection
    omniauth-github (2.0.0)
      omniauth (~> 2.0)
      omniauth-oauth2 (~> 1.7.1)
    omniauth-oauth2 (1.7.2)
      oauth2 (~> 1.4)
      omniauth (>= 1.9, < 3)
    omniauth-rails_csrf_protection (1.0.0)
      actionpack (>= 4.2)
      omniauth (~> 2.0)
    paypal-sdk-core (0.3.4)
      multi_json (~> 1.0)
      xml-simple
    paypal-sdk-rest (1.7.4)
      multi_json (~> 1.0)
      xml-simple
    pdf-core (0.9.0)
    pg (1.2.3)
    prawn (2.4.0)
      pdf-core (~> 0.9.0)
      ttfunk (~> 1.7)
    prawn-table (0.2.2)
      prawn (>= 1.3.0, < 3.0.0)
    public_suffix (4.0.6)
    puma (5.5.2)
      nio4r (~> 2.0)
    racc (1.6.0)
    rack (2.2.3)
    rack-protection (2.1.0)
      rack
    rack-test (1.1.0)
      rack (>= 1.0, < 3)
    rails (7.0.0)
      actioncable (= 7.0.0)
      actionmailbox (= 7.0.0)
      actionmailer (= 7.0.0)
      actionpack (= 7.0.0)
      actiontext (= 7.0.0)
      actionview (= 7.0.0)
      activejob (= 7.0.0)
      activemodel (= 7.0.0)
      activerecord (= 7.0.0)
      activestorage (= 7.0.0)
      activesupport (= 7.0.0)
      bundler (>= 1.15.0)
      railties (= 7.0.0)
    rails-dom-testing (2.0.3)
      activesupport (>= 4.2.0)
      nokogiri (>= 1.6)
    rails-html-sanitizer (1.4.2)
      loofah (~> 2.3)
    railties (7.0.0)
      actionpack (= 7.0.0)
      activesupport (= 7.0.0)
      method_source
      rake (>= 12.2)
      thor (~> 1.0)
      zeitwerk (~> 2.5)
    rake (13.0.6)
    rb-fsevent (0.11.0)
    rb-inotify (0.10.1)
      ffi (~> 1.0)
    redis (4.5.1)
    regexp_parser (2.2.0)
    reline (0.2.7)
      io-console (~> 0.5)
    rest-client (2.1.0)
      http-accept (>= 1.7.0, < 2.0)
      http-cookie (>= 1.0.2, < 2.0)
      mime-types (>= 1.16, < 4.0)
      netrc (~> 0.8)
    rexml (3.2.5)
    roo (2.8.3)
      nokogiri (~> 1)
      rubyzip (>= 1.3.0, < 3.0.0)
    roo-xls (1.2.0)
      nokogiri
      roo (>= 2.0.0, < 3)
      spreadsheet (> 0.9.0)
    rqrcode (2.1.0)
      chunky_png (~> 1.0)
      rqrcode_core (~> 1.0)
    rqrcode_core (1.2.0)
    ruby-ole (1.2.12.2)
    ruby-vips (2.1.4)
      ffi (~> 1.12)
    ruby2_keywords (0.0.5)
    rubyzip (2.3.2)
    rucaptcha (2.5.5)
      railties (>= 3.2)
    sawyer (0.8.2)
      addressable (>= 2.3.5)
      faraday (> 0.8, < 2.0)
    selenium-webdriver (4.1.0)
      childprocess (>= 0.5, < 5.0)
      rexml (~> 3.2, >= 3.2.5)
      rubyzip (>= 1.2.2)
    sidekiq (6.3.1)
      connection_pool (>= 2.2.2)
      rack (~> 2.0)
      redis (>= 4.2.0)
    spreadsheet (1.3.0)
      ruby-ole
    strscan (3.0.1)
    thor (1.1.0)
    timeout (0.2.0)
    ttfunk (1.7.0)
    turbo-rails (1.0.0)
      actionpack (>= 6.0.0)
      railties (>= 6.0.0)
    tzinfo (2.0.4)
      concurrent-ruby (~> 1.0)
    unf (0.1.4)
      unf_ext
    unf_ext (0.0.8)
    uri (0.11.0)
    web-console (4.2.0)
      actionview (>= 6.0.0)
      activemodel (>= 6.0.0)
      bindex (>= 0.4.0)
      railties (>= 6.0.0)
    websocket-driver (0.7.5)
      websocket-extensions (>= 0.1.0)
    websocket-extensions (0.1.5)
    with_advisory_lock (4.6.0)
      activerecord (>= 4.2)
    write_xlsx (1.09.1)
      rubyzip (>= 1.0.0)
      zip-zip
    xml-simple (1.1.9)
      rexml
    xpath (3.2.0)
      nokogiri (~> 1.8)
    zeitwerk (2.5.1)
    zip-zip (0.3)
      rubyzip (>= 1.0.0)

PLATFORMS
  arm64-darwin
  ruby
  x86_64-linux

DEPENDENCIES
  alipay2!
  aliyunsdkcore
  amazing_print
  bcrypt
  bootsnap (>= 1.1.0)
  capybara
  debug
  default_where!
  image_processing
  listen
  mini_magick
  nokogiri
  octokit
  omniauth-github
  omniauth-rails_csrf_protection
  paypal-sdk-core
  paypal-sdk-rest
  pg
  puma
  rails
  rails_agency!
  rails_attend!
  rails_audit!
  rails_auth!
  rails_bench!
  rails_com!
  rails_data!
  rails_design!
  rails_detail!
  rails_doc!
  rails_email!
  rails_event!
  rails_extend!
  rails_factory!
  rails_finance!
  rails_growth!
  rails_interact!
  rails_markdown!
  rails_notice!
  rails_org!
  rails_profile!
  rails_quip!
  rails_role!
  rails_ship!
  rails_trade!
  rails_vite!
  rails_wechat!
  redis
  rexml
  rqrcode
  rucaptcha
  selenium-webdriver
  sidekiq
  tencentcloud-sdk-common!
  tencentcloud-sdk-ocr!
  turbo-rails
  upyun_rails!
  web-console
  wx_pay!

BUNDLED WITH
   2.3.0.dev
