GIT
  remote: https://gitee.com/qinmingyuan/alipay2.git
  revision: 6e0f880d225caf07927819076c4ebdef58d2be0f
  specs:
    alipay2 (2.0)

GIT
  remote: https://gitee.com/qinmingyuan/default_where.git
  revision: dab39eeff85bb6afae8ef9e3e45f70648aa479d5
  specs:
    default_where (2.3.0)
      activerecord (>= 4.0, <= 7.1)

GIT
  remote: https://gitee.com/qinmingyuan/upyun_rails.git
  revision: 5e8af313d66eaef4a1ac4af2b363a02ba51bf0c8
  specs:
    upyun_rails (0.1.1)
      activestorage
      rest-client

GIT
  remote: https://gitee.com/tencentcloud/tencentcloud-sdk-ruby.git
  revision: d9b2c157dc4da47e644ff93766de0c4050f83b2e
  specs:
    tencentcloud-sdk-common (3.0.435)

GIT
  remote: https://gitee.com/work-design/rails_attend.git
  revision: b2adb75b8716b9d500e28d82f39088ae316e9cc7
  specs:
    rails_attend (0.0.1)
      rails_com (~> 1.2)

GIT
  remote: https://gitee.com/work-design/rails_audit.git
  revision: 24095a2ce74a61dc3a7918728b4495f37e35ba66
  specs:
    rails_audit (1.0.4)
      rails_com (~> 1.2)

GIT
  remote: https://gitee.com/work-design/rails_auth.git
  revision: 99e950f5ce65fedcea28860e69582798791f9ad8
  specs:
    rails_auth (1.2.0)
      bcrypt (~> 3.1)
      jwt (>= 2.0, <= 3.0)
      rails_com (~> 1.2)

GIT
  remote: https://gitee.com/work-design/rails_bench.git
  revision: 4ec87b694bee5ec74a2560a36c1542e3c9d647a1
  specs:
    rails_bench (0.0.2)
      rails_com (~> 1.2)

GIT
  remote: https://gitee.com/work-design/rails_com.git
  revision: 6c58c3246a5846a42ca2f9afee6ce6e95471308f
  specs:
    rails_com (1.3.0)
      acme-client
      acts_as_list (>= 1.0)
      closure_tree (>= 7.3)
      default_where (~> 2.2)
      http-form_data (~> 2.3)
      httpx
      kaminari
      net-http
      rails (>= 7.0)
      rails_extend
      turbo-rails

GIT
  remote: https://gitee.com/work-design/rails_crm.git
  revision: a6a762f34879ce76283c0ee433fcef3436a05b33
  specs:
    rails_crm (0.0.2)
      rails_extend
      rails_profile
      rails_trade

GIT
  remote: https://gitee.com/work-design/rails_data.git
  revision: dcfdf85a3de6f30c314420bd00a5111d47a25447
  specs:
    rails_data (1.0.2)
      matrix
      prawn
      prawn-table
      rails_extend
      roo
      roo-xls
      write_xlsx

GIT
  remote: https://gitee.com/work-design/rails_design.git
  revision: 932ef184955322269ff1713e3763ca8edba42553
  specs:
    rails_design (0.0.1)
      rails

GIT
  remote: https://gitee.com/work-design/rails_detail.git
  revision: b1b6ca341e00382cc5c231c069fad73cb143f7d5
  specs:
    rails_detail (0.0.1)
      rails_com (~> 1.2)

GIT
  remote: https://gitee.com/work-design/rails_doc.git
  revision: b2b1340115e6722d1565e013a24a5ad29e3af3c7
  specs:
    rails_doc (0.0.2)
      rails_com (>= 1.2)

GIT
  remote: https://gitee.com/work-design/rails_email.git
  revision: eac12cf22cdcd278a34dbf675651fc8ad2b9fe66
  specs:
    rails_email (0.0.2)
      rails_auth
      rails_com (~> 1.2)

GIT
  remote: https://gitee.com/work-design/rails_event.git
  revision: ae189b6abc0b168515701493afbd81d1cbda1df7
  specs:
    rails_event (0.0.1)
      rails_com (~> 1.2)

GIT
  remote: https://gitee.com/work-design/rails_extend.git
  revision: 99d5c783f12d5d9a4fbf81b2a84990e507e52d4e
  specs:
    rails_extend (1.0.1)
      rails (>= 5.0)

GIT
  remote: https://gitee.com/work-design/rails_factory.git
  revision: df30041abe74ee9cd18afa238de969b99736bb44
  specs:
    rails_factory (0.0.1)
      rails_com (~> 1.2)

GIT
  remote: https://gitee.com/work-design/rails_finance.git
  revision: 6411305985ffc9a2174fc2d322ea8fee76bc93dd
  specs:
    rails_finance (0.0.1)
      prawn
      rails_com (~> 1.2)

GIT
  remote: https://gitee.com/work-design/rails_growth.git
  revision: 228b6bf0f71680c8a9948a6e0b91985fbe2d28bf
  specs:
    rails_growth (0.0.1)
      rails_com (~> 1.2)

GIT
  remote: https://gitee.com/work-design/rails_interact.git
  revision: 03044194b2d99fa5075fc1808c4496fb948fa0fb
  specs:
    rails_interact (0.0.1)
      rails_com (~> 1.2)
      rails_notice (>= 0.1)

GIT
  remote: https://gitee.com/work-design/rails_markdown.git
  revision: 8119d0b75f158e81d5868e7d9e7694193a39c2e1
  specs:
    rails_markdown (0.0.1)
      kramdown
      kramdown-parser-gfm
      nokogiri
      rails_com
      rouge

GIT
  remote: https://gitee.com/work-design/rails_notice.git
  revision: a501538484eadf71f4b37605d00e74f19d6b242e
  specs:
    rails_notice (1.0.3)
      rails_extend

GIT
  remote: https://gitee.com/work-design/rails_org.git
  revision: 830af225e33165306abb315785044351d0cf8258
  specs:
    rails_org (0.0.1)
      rails_com (~> 1.2)

GIT
  remote: https://gitee.com/work-design/rails_profile.git
  revision: 56b1a993da0520d94a587cc4d63651d1fb93c5ac
  specs:
    rails_profile (0.0.1)
      rails_com (~> 1.2)

GIT
  remote: https://gitee.com/work-design/rails_quip.git
  revision: 6eb51b138d3f1d6c040b01cd1b0a0dd3b3a55d66
  specs:
    rails_quip (0.1.0)
      httpx
      rails_com (~> 1.2)
      rails_detail

GIT
  remote: https://gitee.com/work-design/rails_ship.git
  revision: 3f7abb1ecc66c2cfd9819abea3152cd3e03a7798
  specs:
    rails_ship (0.0.1)
      rails_extend
      rails_trade

GIT
  remote: https://gitee.com/work-design/rails_trade.git
  revision: 932f0c92b0481bac629ec31334bb375ee5a13c15
  specs:
    rails_trade (0.0.3)
      money-rails (~> 1.14)
      rails_extend
      rails_notice

GIT
  remote: https://gitee.com/work-design/rails_wechat.git
  revision: 81c72c3cbbc88c9f1a72097747cc15683c2f50c5
  specs:
    rails_wechat (0.1.2)
      http-form_data (~> 2.3)
      httpx (~> 0.18)
      rails_extend
      rqrcode

GEM
  remote: https://rubygems.org/
  specs:
    acme-client (2.0.11)
      faraday (>= 1.0, < 3.0.0)
      faraday-retry (~> 1.0)
    actioncable (7.0.4)
      actionpack (= 7.0.4)
      activesupport (= 7.0.4)
      nio4r (~> 2.0)
      websocket-driver (>= 0.6.1)
    actionmailbox (7.0.4)
      actionpack (= 7.0.4)
      activejob (= 7.0.4)
      activerecord (= 7.0.4)
      activestorage (= 7.0.4)
      activesupport (= 7.0.4)
      mail (>= 2.7.1)
      net-imap
      net-pop
      net-smtp
    actionmailer (7.0.4)
      actionpack (= 7.0.4)
      actionview (= 7.0.4)
      activejob (= 7.0.4)
      activesupport (= 7.0.4)
      mail (~> 2.5, >= 2.5.4)
      net-imap
      net-pop
      net-smtp
      rails-dom-testing (~> 2.0)
    actionpack (7.0.4)
      actionview (= 7.0.4)
      activesupport (= 7.0.4)
      rack (~> 2.0, >= 2.2.0)
      rack-test (>= 0.6.3)
      rails-dom-testing (~> 2.0)
      rails-html-sanitizer (~> 1.0, >= 1.2.0)
    actiontext (7.0.4)
      actionpack (= 7.0.4)
      activerecord (= 7.0.4)
      activestorage (= 7.0.4)
      activesupport (= 7.0.4)
      globalid (>= 0.6.0)
      nokogiri (>= 1.8.5)
    actionview (7.0.4)
      activesupport (= 7.0.4)
      builder (~> 3.1)
      erubi (~> 1.4)
      rails-dom-testing (~> 2.0)
      rails-html-sanitizer (~> 1.1, >= 1.2.0)
    activejob (7.0.4)
      activesupport (= 7.0.4)
      globalid (>= 0.3.6)
    activemodel (7.0.4)
      activesupport (= 7.0.4)
    activerecord (7.0.4)
      activemodel (= 7.0.4)
      activesupport (= 7.0.4)
    activestorage (7.0.4)
      actionpack (= 7.0.4)
      activejob (= 7.0.4)
      activerecord (= 7.0.4)
      activesupport (= 7.0.4)
      marcel (~> 1.0)
      mini_mime (>= 1.1.0)
    activesupport (7.0.4)
      concurrent-ruby (~> 1.0, >= 1.0.2)
      i18n (>= 1.6, < 2)
      minitest (>= 5.1)
      tzinfo (~> 2.0)
    acts_as_list (1.0.4)
      activerecord (>= 4.2)
    addressable (2.8.1)
      public_suffix (>= 2.0.2, < 6.0)
    aliyunsdkcore (0.0.17)
      activesupport (>= 3.0.0)
      faraday (>= 0.15.4)
    amazing_print (1.4.0)
    bcrypt (3.1.18)
    bindex (0.8.1)
    bootsnap (1.13.0)
      msgpack (~> 1.2)
    builder (3.2.4)
    capybara (3.37.1)
      addressable
      matrix
      mini_mime (>= 0.1.3)
      nokogiri (~> 1.8)
      rack (>= 1.6.0)
      rack-test (>= 0.6.3)
      regexp_parser (>= 1.5, < 3.0)
      xpath (~> 3.2)
    childprocess (4.1.0)
    chunky_png (1.4.0)
    closure_tree (7.4.0)
      activerecord (>= 4.2.10)
      with_advisory_lock (>= 4.0.0)
    concurrent-ruby (1.1.10)
    connection_pool (2.3.0)
    crass (1.0.6)
    debug (1.6.3)
      irb (>= 1.3.6)
      reline (>= 0.3.1)
    domain_name (0.5.20190701)
      unf (>= 0.0.5, < 1.0.0)
    erubi (1.11.0)
    et-orbi (1.2.7)
      tzinfo
    faraday (2.6.0)
      faraday-net_http (>= 2.0, < 3.1)
      ruby2_keywords (>= 0.0.4)
    faraday-net_http (3.0.1)
    faraday-retry (1.0.3)
    ffi (1.15.5)
    fugit (1.7.1)
      et-orbi (~> 1, >= 1.2.7)
      raabro (~> 1.4)
    globalid (1.0.0)
      activesupport (>= 5.0)
    good_job (3.6.0)
      activejob (>= 6.0.0)
      activerecord (>= 6.0.0)
      concurrent-ruby (>= 1.0.2)
      fugit (>= 1.1)
      railties (>= 6.0.0)
      thor (>= 0.14.1)
      webrick (>= 1.3)
    hashie (5.0.0)
    http-2-next (0.5.0)
    http-accept (1.7.0)
    http-cookie (1.0.5)
      domain_name (~> 0.5)
    http-form_data (2.3.0)
    httpx (0.21.1)
      http-2-next (>= 0.4.1)
    i18n (1.12.0)
      concurrent-ruby (~> 1.0)
    image_processing (1.12.2)
      mini_magick (>= 4.9.5, < 5)
      ruby-vips (>= 2.0.17, < 3)
    io-console (0.5.11)
    irb (1.4.2)
      reline (>= 0.3.0)
    jwt (2.5.0)
    kaminari (1.2.2)
      activesupport (>= 4.1.0)
      kaminari-actionview (= 1.2.2)
      kaminari-activerecord (= 1.2.2)
      kaminari-core (= 1.2.2)
    kaminari-actionview (1.2.2)
      actionview
      kaminari-core (= 1.2.2)
    kaminari-activerecord (1.2.2)
      activerecord
      kaminari-core (= 1.2.2)
    kaminari-core (1.2.2)
    kramdown (2.4.0)
      rexml
    kramdown-parser-gfm (1.1.0)
      kramdown (~> 2.0)
    listen (3.7.1)
      rb-fsevent (~> 0.10, >= 0.10.3)
      rb-inotify (~> 0.9, >= 0.9.10)
    loofah (2.19.0)
      crass (~> 1.0.2)
      nokogiri (>= 1.5.9)
    mail (2.7.1)
      mini_mime (>= 0.1.1)
    marcel (1.0.2)
    matrix (0.4.2)
    method_source (1.0.0)
    mime-types (3.4.1)
      mime-types-data (~> 3.2015)
    mime-types-data (3.2022.0105)
    mini_magick (4.11.0)
    mini_mime (1.1.2)
    mini_portile2 (2.8.0)
    minitest (5.16.3)
    monetize (1.12.0)
      money (~> 6.12)
    money (6.16.0)
      i18n (>= 0.6.4, <= 2)
    money-rails (1.15.0)
      activesupport (>= 3.0)
      monetize (~> 1.9)
      money (~> 6.13)
      railties (>= 3.0)
    msgpack (1.6.0)
    multi_json (1.15.0)
    multi_xml (0.6.0)
    net-http (0.3.0)
      uri
    net-imap (0.3.1)
      net-protocol
    net-pop (0.1.2)
      net-protocol
    net-protocol (0.1.3)
      timeout
    net-smtp (0.3.2)
      net-protocol
    netrc (0.11.0)
    nio4r (2.5.8)
    nokogiri (1.13.9)
      mini_portile2 (~> 2.8.0)
      racc (~> 1.4)
    nokogiri (1.13.9-arm64-darwin)
      racc (~> 1.4)
    nokogiri (1.13.9-x86_64-linux)
      racc (~> 1.4)
    oauth2 (2.0.9)
      faraday (>= 0.17.3, < 3.0)
      jwt (>= 1.0, < 3.0)
      multi_xml (~> 0.5)
      rack (>= 1.2, < 4)
      snaky_hash (~> 2.0)
      version_gem (~> 1.1)
    octokit (6.0.0)
      faraday (>= 1, < 3)
      sawyer (~> 0.9)
    omniauth (2.1.0)
      hashie (>= 3.4.6)
      rack (>= 2.2.3)
      rack-protection
    omniauth-github (2.0.1)
      omniauth (~> 2.0)
      omniauth-oauth2 (~> 1.8)
    omniauth-oauth2 (1.8.0)
      oauth2 (>= 1.4, < 3)
      omniauth (~> 2.0)
    omniauth-rails_csrf_protection (1.0.1)
      actionpack (>= 4.2)
      omniauth (~> 2.0)
    paypal-sdk-core (0.3.4)
      multi_json (~> 1.0)
      xml-simple
    paypal-sdk-rest (1.7.4)
      multi_json (~> 1.0)
      xml-simple
    pdf-core (0.9.0)
    pg (1.4.4)
    prawn (2.4.0)
      pdf-core (~> 0.9.0)
      ttfunk (~> 1.7)
    prawn-table (0.2.2)
      prawn (>= 1.3.0, < 3.0.0)
    propshaft (0.6.4)
      actionpack (>= 7.0.0)
      activesupport (>= 7.0.0)
      rack
      railties (>= 7.0.0)
    public_suffix (5.0.0)
    puma (6.0.0)
      nio4r (~> 2.0)
    raabro (1.4.0)
    racc (1.6.0)
    rack (2.2.4)
    rack-protection (3.0.2)
      rack
    rack-test (2.0.2)
      rack (>= 1.3)
    rails (7.0.4)
      actioncable (= 7.0.4)
      actionmailbox (= 7.0.4)
      actionmailer (= 7.0.4)
      actionpack (= 7.0.4)
      actiontext (= 7.0.4)
      actionview (= 7.0.4)
      activejob (= 7.0.4)
      activemodel (= 7.0.4)
      activerecord (= 7.0.4)
      activestorage (= 7.0.4)
      activesupport (= 7.0.4)
      bundler (>= 1.15.0)
      railties (= 7.0.4)
    rails-dom-testing (2.0.3)
      activesupport (>= 4.2.0)
      nokogiri (>= 1.6)
    rails-html-sanitizer (1.4.3)
      loofah (~> 2.3)
    railties (7.0.4)
      actionpack (= 7.0.4)
      activesupport (= 7.0.4)
      method_source
      rake (>= 12.2)
      thor (~> 1.0)
      zeitwerk (~> 2.5)
    rake (13.0.6)
    rb-fsevent (0.11.2)
    rb-inotify (0.10.1)
      ffi (~> 1.0)
    redis (5.0.5)
      redis-client (>= 0.9.0)
    redis-client (0.10.0)
      connection_pool
    regexp_parser (2.6.0)
    reline (0.3.1)
      io-console (~> 0.5)
    rest-client (2.1.0)
      http-accept (>= 1.7.0, < 2.0)
      http-cookie (>= 1.0.2, < 2.0)
      mime-types (>= 1.16, < 4.0)
      netrc (~> 0.8)
    rexml (3.2.5)
    roo (2.9.0)
      nokogiri (~> 1)
      rubyzip (>= 1.3.0, < 3.0.0)
    roo-xls (1.2.0)
      nokogiri
      roo (>= 2.0.0, < 3)
      spreadsheet (> 0.9.0)
    rouge (4.0.0)
    rqrcode (2.1.2)
      chunky_png (~> 1.0)
      rqrcode_core (~> 1.0)
    rqrcode_core (1.2.0)
    ruby-ole (1.2.12.2)
    ruby-vips (2.1.4)
      ffi (~> 1.12)
    ruby2_keywords (0.0.5)
    rubyzip (2.3.2)
    sawyer (0.9.2)
      addressable (>= 2.3.5)
      faraday (>= 0.17.3, < 3)
    sd_notify (0.1.1)
    selenium-webdriver (4.5.0)
      childprocess (>= 0.5, < 5.0)
      rexml (~> 3.2, >= 3.2.5)
      rubyzip (>= 1.2.2, < 3.0)
      websocket (~> 1.0)
    snaky_hash (2.0.1)
      hashie
      version_gem (~> 1.1, >= 1.1.1)
    spreadsheet (1.3.0)
      ruby-ole
    thor (1.2.1)
    timeout (0.3.0)
    ttfunk (1.7.0)
    turbo-rails (1.3.2)
      actionpack (>= 6.0.0)
      activejob (>= 6.0.0)
      railties (>= 6.0.0)
    tzinfo (2.0.5)
      concurrent-ruby (~> 1.0)
    unf (0.1.4)
      unf_ext
    unf_ext (0.0.8.2)
    uri (0.11.0)
    version_gem (1.1.1)
    web-console (4.2.0)
      actionview (>= 6.0.0)
      activemodel (>= 6.0.0)
      bindex (>= 0.4.0)
      railties (>= 6.0.0)
    webrick (1.7.0)
    websocket (1.2.9)
    websocket-driver (0.7.5)
      websocket-extensions (>= 0.1.0)
    websocket-extensions (0.1.5)
    with_advisory_lock (4.6.0)
      activerecord (>= 4.2)
    write_xlsx (1.09.4)
      rubyzip (>= 1.0.0)
    xml-simple (1.1.9)
      rexml
    xpath (3.2.0)
      nokogiri (~> 1.8)
    zeitwerk (2.6.1)

PLATFORMS
  arm64-darwin
  ruby
  x86_64-linux

DEPENDENCIES
  alipay2!
  aliyunsdkcore
  amazing_print
  bcrypt
  bootsnap (>= 1.1.0)
  capybara
  debug
  default_where!
  good_job
  image_processing
  listen
  mini_magick
  nokogiri
  octokit
  omniauth-github
  omniauth-rails_csrf_protection
  paypal-sdk-core
  paypal-sdk-rest
  pg
  propshaft
  puma
  rails
  rails_attend!
  rails_audit!
  rails_auth!
  rails_bench!
  rails_com!
  rails_crm!
  rails_data!
  rails_design!
  rails_detail!
  rails_doc!
  rails_email!
  rails_event!
  rails_extend!
  rails_factory!
  rails_finance!
  rails_growth!
  rails_interact!
  rails_markdown!
  rails_notice!
  rails_org!
  rails_profile!
  rails_quip!
  rails_ship!
  rails_trade!
  rails_wechat!
  redis
  rexml
  rqrcode
  sd_notify
  selenium-webdriver
  tencentcloud-sdk-common!
  upyun_rails!
  web-console

BUNDLED WITH
   2.3.7
