GIT
  remote: https://gitee.com/qinmingyuan/alipay2.git
  revision: 6e0f880d225caf07927819076c4ebdef58d2be0f
  specs:
    alipay2 (2.0)

GIT
  remote: https://gitee.com/qinmingyuan/default_where.git
  revision: 4d43238cf0e2ae69416f937f9f62cd6ea635b46b
  specs:
    default_where (2.3.0)
      activerecord

GIT
  remote: https://gitee.com/qinmingyuan/upyun_rails.git
  revision: 7be4e3a1ad8dc387bb8662bc9f10c12e04006e93
  specs:
    upyun_rails (0.1.1)
      activestorage
      httpx

GIT
  remote: https://gitee.com/tencentcloud/tencentcloud-sdk-ruby.git
  revision: 45e7034656308dc5a4a4a8cdda075490ad97dead
  specs:
    tencentcloud-sdk-common (3.0.918)

GIT
  remote: https://gitee.com/work-design/propshaft.git
  revision: fe0712076be5b29c0d5bc12800b188b09e43fd8b
  specs:
    propshaft (0.7.0)
      actionpack (>= 7.0.0)
      activesupport (>= 7.0.0)
      rack
      railties (>= 7.0.0)

GIT
  remote: https://gitee.com/work-design/rails_attend.git
  revision: 0a93398b377b2f43c27a5f01f222fef97b413387
  specs:
    rails_attend (0.0.1)
      rails_com (~> 1.2)

GIT
  remote: https://gitee.com/work-design/rails_audit.git
  revision: f606381c4808b22d89f157c9c9eb30bd8cfc5ef6
  specs:
    rails_audit (1.0.4)
      rails_com (~> 1.2)

GIT
  remote: https://gitee.com/work-design/rails_auth.git
  revision: 3f6192080109f76ccdd153e885da9f64934a5211
  specs:
    rails_auth (1.2.0)
      bcrypt (~> 3.1)
      rails_com (~> 1.2)
      rotp

GIT
  remote: https://gitee.com/work-design/rails_bench.git
  revision: 815e57afb486666f1948c28d4a76e5f76e259384
  specs:
    rails_bench (0.0.2)
      rails_com (~> 1.2)

GIT
  remote: https://gitee.com/work-design/rails_bluetooth.git
  revision: cb25574f2e0b4655fbd6c362af6af8668d705408
  specs:
    rails_bluetooth (0.0.1)
      rails (>= 7.2.1)

GIT
  remote: https://gitee.com/work-design/rails_cms.git
  revision: 7268e2421c83bdc1d72abd33021340ab84a1cf47
  specs:
    rails_cms (0.0.1)
      rails_com

GIT
  remote: https://gitee.com/work-design/rails_com.git
  revision: 33a909ac1cc117e2c65e9efdd60b372a0d84e85d
  specs:
    rails_com (1.3.0)
      acme-client
      closure_tree (>= 7.3)
      default_where (~> 2.2)
      http-form_data (~> 2.3)
      httpx
      kaminari
      money-rails (~> 1.15)
      mutex_m
      net-http
      net-pop
      ostruct
      positioning
      rails
      reline
      solid_cache
      solid_queue
      turbo-rails

GIT
  remote: https://gitee.com/work-design/rails_crm.git
  revision: 2ab171a6cf5f77be4c7546745f6407a4f60e66c0
  specs:
    rails_crm (0.0.2)
      rails_trade

GIT
  remote: https://gitee.com/work-design/rails_data.git
  revision: 0c53d6b806890707f0c86616db308f88979d7b1a
  specs:
    rails_data (1.0.2)
      csv
      matrix
      nkf
      prawn
      prawn-table
      roo
      roo-xls
      write_xlsx

GIT
  remote: https://gitee.com/work-design/rails_design.git
  revision: 043865c0fa43206e3f9748cb438ba2790e5644db
  specs:
    rails_design (0.0.1)
      rails

GIT
  remote: https://gitee.com/work-design/rails_detail.git
  revision: 29385203daa990d27f962ee499d48976b6dd6dba
  specs:
    rails_detail (0.0.1)
      rails_com

GIT
  remote: https://gitee.com/work-design/rails_doc.git
  revision: 4ac3d35dfb606d57c52c6378a328ce641dfeeee6
  specs:
    rails_doc (0.0.2)
      rails_com (>= 1.2)

GIT
  remote: https://gitee.com/work-design/rails_douyin.git
  revision: 067b2063b0c631b593499fda7090fd6fc3389822
  specs:
    rails_douyin (0.0.1)
      rails

GIT
  remote: https://gitee.com/work-design/rails_email.git
  revision: 23c01191b9e65f6a64387592db8be95dc5d03b22
  specs:
    rails_email (0.0.2)
      rails_auth
      rails_com (~> 1.2)

GIT
  remote: https://gitee.com/work-design/rails_event.git
  revision: 0e1727111a5c92164a034d2621722ed73318f40e
  specs:
    rails_event (0.0.1)
      rails_com (~> 1.2)

GIT
  remote: https://gitee.com/work-design/rails_factory.git
  revision: 140fee7d306899cbc754faba9b6c58d7d3e3464b
  specs:
    rails_factory (0.0.1)
      rails_com (~> 1.2)
      rails_space
      rails_trade

GIT
  remote: https://gitee.com/work-design/rails_finance.git
  revision: 2afbafc6f4e339f96535eb8db30ec958fa6ba556
  specs:
    rails_finance (0.0.1)
      prawn
      rails_com

GIT
  remote: https://gitee.com/work-design/rails_growth.git
  revision: e709a71485ff97f3faf0d5d8c5ab3d953f0297e7
  specs:
    rails_growth (0.0.1)
      rails_com (~> 1.2)

GIT
  remote: https://gitee.com/work-design/rails_interact.git
  revision: dcb72d87dfece89698cebf93d38f25cc59aca1d2
  specs:
    rails_interact (0.0.1)
      rails_com (~> 1.2)
      rails_notice (>= 0.1)

GIT
  remote: https://gitee.com/work-design/rails_markdown.git
  revision: 4b6008eaa295c24a4c6e9ed758b73edaf5d58363
  specs:
    rails_markdown (0.0.1)
      kramdown
      kramdown-parser-gfm
      nokogiri
      rails_com
      rouge

GIT
  remote: https://gitee.com/work-design/rails_notice.git
  revision: 0fbf91529f1a685f47e1b778f7dff95b207a2372
  specs:
    rails_notice (1.0.3)
      rails_com

GIT
  remote: https://gitee.com/work-design/rails_org.git
  revision: e3019650460ffd72a4e5ed273aed3d954e1fd3e4
  specs:
    rails_org (0.0.1)
      rails_com

GIT
  remote: https://gitee.com/work-design/rails_qingflow.git
  revision: b935fcc635e983f695ccec00de2eb7f389b3feea
  specs:
    rails_qingflow (0.0.1)
      rails (>= 7.2.0.beta2)

GIT
  remote: https://gitee.com/work-design/rails_quip.git
  revision: 6eb51b138d3f1d6c040b01cd1b0a0dd3b3a55d66
  specs:
    rails_quip (0.1.0)
      httpx
      rails_com (~> 1.2)
      rails_detail

GIT
  remote: https://gitee.com/work-design/rails_ship.git
  revision: f4058bdf652aa50e9d125cfc5d349fd41eedf238
  specs:
    rails_ship (0.0.1)
      rails_com
      rails_trade

GIT
  remote: https://gitee.com/work-design/rails_space.git
  revision: 0068a5125f3daf169bcbe08c4f23e3e66028eb5b
  specs:
    rails_space (0.0.1)
      rails_com

GIT
  remote: https://gitee.com/work-design/rails_sync.git
  revision: 45005c0fe8bd864d879a69d801416a1086a73554
  specs:
    rails_sync (0.1)
      rails_com

GIT
  remote: https://gitee.com/work-design/rails_trade.git
  revision: e583a24152ab7486bb0eac114d15e1ee1376c87f
  specs:
    rails_trade (0.0.3)
      rails_com
      rails_notice

GIT
  remote: https://gitee.com/work-design/rails_wechat.git
  revision: 1f1cf920aca2ed0edad7893ffef50c5e6d607b2b
  specs:
    rails_wechat (0.1.2)
      rails_com
      rqrcode

GEM
  remote: https://rubygems.org/
  specs:
    acme-client (2.0.19)
      base64 (~> 0.2.0)
      faraday (>= 1.0, < 3.0.0)
      faraday-retry (>= 1.0, < 3.0.0)
    actioncable (8.0.0.beta1)
      actionpack (= 8.0.0.beta1)
      activesupport (= 8.0.0.beta1)
      nio4r (~> 2.0)
      websocket-driver (>= 0.6.1)
      zeitwerk (~> 2.6)
    actionmailbox (8.0.0.beta1)
      actionpack (= 8.0.0.beta1)
      activejob (= 8.0.0.beta1)
      activerecord (= 8.0.0.beta1)
      activestorage (= 8.0.0.beta1)
      activesupport (= 8.0.0.beta1)
      mail (>= 2.8.0)
    actionmailer (8.0.0.beta1)
      actionpack (= 8.0.0.beta1)
      actionview (= 8.0.0.beta1)
      activejob (= 8.0.0.beta1)
      activesupport (= 8.0.0.beta1)
      mail (>= 2.8.0)
      rails-dom-testing (~> 2.2)
    actionpack (8.0.0.beta1)
      actionview (= 8.0.0.beta1)
      activesupport (= 8.0.0.beta1)
      nokogiri (>= 1.8.5)
      rack (>= 2.2.4)
      rack-session (>= 1.0.1)
      rack-test (>= 0.6.3)
      rails-dom-testing (~> 2.2)
      rails-html-sanitizer (~> 1.6)
      useragent (~> 0.16)
    actiontext (8.0.0.beta1)
      actionpack (= 8.0.0.beta1)
      activerecord (= 8.0.0.beta1)
      activestorage (= 8.0.0.beta1)
      activesupport (= 8.0.0.beta1)
      globalid (>= 0.6.0)
      nokogiri (>= 1.8.5)
    actionview (8.0.0.beta1)
      activesupport (= 8.0.0.beta1)
      builder (~> 3.1)
      erubi (~> 1.11)
      rails-dom-testing (~> 2.2)
      rails-html-sanitizer (~> 1.6)
    activejob (8.0.0.beta1)
      activesupport (= 8.0.0.beta1)
      globalid (>= 0.3.6)
    activemodel (8.0.0.beta1)
      activesupport (= 8.0.0.beta1)
    activerecord (8.0.0.beta1)
      activemodel (= 8.0.0.beta1)
      activesupport (= 8.0.0.beta1)
      timeout (>= 0.4.0)
    activestorage (8.0.0.beta1)
      actionpack (= 8.0.0.beta1)
      activejob (= 8.0.0.beta1)
      activerecord (= 8.0.0.beta1)
      activesupport (= 8.0.0.beta1)
      marcel (~> 1.0)
    activesupport (8.0.0.beta1)
      base64
      benchmark (>= 0.3)
      bigdecimal
      concurrent-ruby (~> 1.0, >= 1.3.1)
      connection_pool (>= 2.2.5)
      drb
      i18n (>= 1.6, < 2)
      logger (>= 1.4.2)
      minitest (>= 5.1)
      securerandom (>= 0.3)
      tzinfo (~> 2.0, >= 2.0.5)
      uri (>= 0.13.1)
    addressable (2.8.7)
      public_suffix (>= 2.0.2, < 7.0)
    aliyunsdkcore (0.0.17)
      activesupport (>= 3.0.0)
      faraday (>= 0.15.4)
    base64 (0.2.0)
    bcrypt (3.1.20)
    benchmark (0.3.0)
    bigdecimal (3.1.8)
    bindex (0.8.1)
    bootsnap (1.18.4)
      msgpack (~> 1.2)
    builder (3.3.0)
    capybara (3.40.0)
      addressable
      matrix
      mini_mime (>= 0.1.3)
      nokogiri (~> 1.11)
      rack (>= 1.6.0)
      rack-test (>= 0.6.3)
      regexp_parser (>= 1.5, < 3.0)
      xpath (~> 3.2)
    chunky_png (1.4.0)
    closure_tree (7.4.0)
      activerecord (>= 4.2.10)
      with_advisory_lock (>= 4.0.0)
    concurrent-ruby (1.3.4)
    connection_pool (2.4.1)
    crass (1.0.6)
    csv (3.3.0)
    date (3.3.4)
    debug (1.9.2)
      irb (~> 1.10)
      reline (>= 0.3.8)
    drb (2.2.1)
    erubi (1.13.0)
    et-orbi (1.2.11)
      tzinfo
    faraday (2.12.0)
      faraday-net_http (>= 2.0, < 3.4)
      json
      logger
    faraday-net_http (3.3.0)
      net-http
    faraday-retry (2.2.1)
      faraday (~> 2.0)
    ffi (1.17.0-arm64-darwin)
    ffi (1.17.0-x86_64-linux-gnu)
    fugit (1.11.1)
      et-orbi (~> 1, >= 1.2.11)
      raabro (~> 1.4)
    globalid (1.2.1)
      activesupport (>= 6.1)
    hashie (5.0.0)
    http-2 (1.0.1)
    http-form_data (2.3.0)
    httpx (1.3.1)
      http-2 (>= 1.0.0)
    i18n (1.14.6)
      concurrent-ruby (~> 1.0)
    image_processing (1.13.0)
      mini_magick (>= 4.9.5, < 5)
      ruby-vips (>= 2.0.17, < 3)
    io-console (0.7.2)
    irb (1.14.1)
      rdoc (>= 4.0.0)
      reline (>= 0.4.2)
    jbuilder (2.13.0)
      actionview (>= 5.0.0)
      activesupport (>= 5.0.0)
    json (2.7.2)
    jwt (2.9.1)
      base64
    kaminari (1.2.2)
      activesupport (>= 4.1.0)
      kaminari-actionview (= 1.2.2)
      kaminari-activerecord (= 1.2.2)
      kaminari-core (= 1.2.2)
    kaminari-actionview (1.2.2)
      actionview
      kaminari-core (= 1.2.2)
    kaminari-activerecord (1.2.2)
      activerecord
      kaminari-core (= 1.2.2)
    kaminari-core (1.2.2)
    kramdown (2.4.0)
      rexml
    kramdown-parser-gfm (1.1.0)
      kramdown (~> 2.0)
    listen (3.9.0)
      rb-fsevent (~> 0.10, >= 0.10.3)
      rb-inotify (~> 0.9, >= 0.9.10)
    logger (1.6.1)
    loofah (2.22.0)
      crass (~> 1.0.2)
      nokogiri (>= 1.12.0)
    mail (2.8.1)
      mini_mime (>= 0.1.1)
      net-imap
      net-pop
      net-smtp
    marcel (1.0.4)
    matrix (0.4.2)
    mini_magick (4.13.2)
    mini_mime (1.1.5)
    minitest (5.25.1)
    monetize (1.13.0)
      money (~> 6.12)
    money (6.19.0)
      i18n (>= 0.6.4, <= 2)
    money-rails (1.15.0)
      activesupport (>= 3.0)
      monetize (~> 1.9)
      money (~> 6.13)
      railties (>= 3.0)
    msgpack (1.7.2)
    multi_json (1.15.0)
    multi_xml (0.7.1)
      bigdecimal (~> 3.1)
    mutex_m (0.2.0)
    net-http (0.4.1)
      uri
    net-imap (0.4.16)
      date
      net-protocol
    net-pop (0.1.2)
      net-protocol
    net-protocol (0.2.2)
      timeout
    net-smtp (0.5.0)
      net-protocol
    nio4r (2.7.3)
    nkf (0.2.0)
    nokogiri (1.16.7-arm64-darwin)
      racc (~> 1.4)
    nokogiri (1.16.7-x86_64-linux)
      racc (~> 1.4)
    oauth2 (2.0.9)
      faraday (>= 0.17.3, < 3.0)
      jwt (>= 1.0, < 3.0)
      multi_xml (~> 0.5)
      rack (>= 1.2, < 4)
      snaky_hash (~> 2.0)
      version_gem (~> 1.1)
    octokit (9.1.0)
      faraday (>= 1, < 3)
      sawyer (~> 0.9)
    omniauth (2.1.2)
      hashie (>= 3.4.6)
      rack (>= 2.2.3)
      rack-protection
    omniauth-github (2.0.1)
      omniauth (~> 2.0)
      omniauth-oauth2 (~> 1.8)
    omniauth-oauth2 (1.8.0)
      oauth2 (>= 1.4, < 3)
      omniauth (~> 2.0)
    omniauth-rails_csrf_protection (1.0.2)
      actionpack (>= 4.2)
      omniauth (~> 2.0)
    ostruct (0.6.0)
    paypal-sdk-core (0.3.5)
      multi_json (~> 1.0)
      xml-simple
    paypal-sdk-rest (1.7.5)
      multi_json (~> 1.0)
      xml-simple
    pdf-core (0.10.0)
    pg (1.5.8)
    positioning (0.3.0)
      activerecord (>= 6.1)
      activesupport (>= 6.1)
    prawn (2.5.0)
      matrix (~> 0.4)
      pdf-core (~> 0.10.0)
      ttfunk (~> 1.8)
    prawn-table (0.2.2)
      prawn (>= 1.3.0, < 3.0.0)
    psych (5.1.2)
      stringio
    public_suffix (6.0.1)
    puma (6.4.3)
      nio4r (~> 2.0)
    raabro (1.4.0)
    racc (1.8.1)
    rack (3.1.7)
    rack-protection (4.0.0)
      base64 (>= 0.1.0)
      rack (>= 3.0.0, < 4)
    rack-session (2.0.0)
      rack (>= 3.0.0)
    rack-test (2.1.0)
      rack (>= 1.3)
    rackup (2.1.0)
      rack (>= 3)
      webrick (~> 1.8)
    rails (8.0.0.beta1)
      actioncable (= 8.0.0.beta1)
      actionmailbox (= 8.0.0.beta1)
      actionmailer (= 8.0.0.beta1)
      actionpack (= 8.0.0.beta1)
      actiontext (= 8.0.0.beta1)
      actionview (= 8.0.0.beta1)
      activejob (= 8.0.0.beta1)
      activemodel (= 8.0.0.beta1)
      activerecord (= 8.0.0.beta1)
      activestorage (= 8.0.0.beta1)
      activesupport (= 8.0.0.beta1)
      bundler (>= 1.15.0)
      railties (= 8.0.0.beta1)
    rails-dom-testing (2.2.0)
      activesupport (>= 5.0.0)
      minitest
      nokogiri (>= 1.6)
    rails-html-sanitizer (1.6.0)
      loofah (~> 2.21)
      nokogiri (~> 1.14)
    rails_deploy (0.5.6)
    railties (8.0.0.beta1)
      actionpack (= 8.0.0.beta1)
      activesupport (= 8.0.0.beta1)
      irb (~> 1.13)
      rackup (>= 1.0.0)
      rake (>= 12.2)
      thor (~> 1.0, >= 1.2.2)
      zeitwerk (~> 2.6)
    rake (13.2.1)
    rb-fsevent (0.11.2)
    rb-inotify (0.11.1)
      ffi (~> 1.0)
    rdoc (6.7.0)
      psych (>= 4.0.0)
    regexp_parser (2.9.2)
    reline (0.5.10)
      io-console (~> 0.5)
    rexml (3.3.8)
    roo (2.10.1)
      nokogiri (~> 1)
      rubyzip (>= 1.3.0, < 3.0.0)
    roo-xls (1.2.0)
      nokogiri
      roo (>= 2.0.0, < 3)
      spreadsheet (> 0.9.0)
    rotp (6.3.0)
    rouge (4.4.0)
    rqrcode (2.2.0)
      chunky_png (~> 1.0)
      rqrcode_core (~> 1.0)
    rqrcode_core (1.2.0)
    ruby-ole (1.2.13.1)
    ruby-vips (2.2.2)
      ffi (~> 1.12)
      logger
    rubyzip (2.3.2)
    sawyer (0.9.2)
      addressable (>= 2.3.5)
      faraday (>= 0.17.3, < 3)
    sd_notify (0.1.1)
    securerandom (0.3.1)
    selenium-webdriver (4.25.0)
      base64 (~> 0.2)
      logger (~> 1.4)
      rexml (~> 3.2, >= 3.2.5)
      rubyzip (>= 1.2.2, < 3.0)
      websocket (~> 1.0)
    snaky_hash (2.0.1)
      hashie
      version_gem (~> 1.1, >= 1.1.1)
    solid_cache (1.0.6)
      activejob (>= 7.2)
      activerecord (>= 7.2)
      railties (>= 7.2)
    solid_queue (1.0.0)
      activejob (>= 7.1)
      activerecord (>= 7.1)
      concurrent-ruby (>= 1.3.1)
      fugit (~> 1.11.0)
      railties (>= 7.1)
      thor (~> 1.3.1)
    spreadsheet (1.3.1)
      bigdecimal
      ruby-ole
    stringio (3.1.1)
    thor (1.3.2)
    timeout (0.4.1)
    ttfunk (1.8.0)
      bigdecimal (~> 3.1)
    turbo-rails (2.0.10)
      actionpack (>= 6.0.0)
      railties (>= 6.0.0)
    tzinfo (2.0.6)
      concurrent-ruby (~> 1.0)
    uri (0.13.1)
    useragent (0.16.10)
    version_gem (1.1.4)
    web-console (4.2.1)
      actionview (>= 6.0.0)
      activemodel (>= 6.0.0)
      bindex (>= 0.4.0)
      railties (>= 6.0.0)
    webrick (1.8.2)
    websocket (1.2.11)
    websocket-driver (0.7.6)
      websocket-extensions (>= 0.1.0)
    websocket-extensions (0.1.5)
    with_advisory_lock (5.1.0)
      activerecord (>= 6.1)
      zeitwerk (>= 2.6)
    write_xlsx (1.12.1)
      nkf
      rubyzip (>= 1.0.0)
    xml-simple (1.1.9)
      rexml
    xpath (3.2.0)
      nokogiri (~> 1.8)
    zeitwerk (2.6.18)

PLATFORMS
  arm64-darwin
  x86_64-linux

DEPENDENCIES
  alipay2!
  aliyunsdkcore
  bcrypt
  bootsnap
  capybara
  debug
  default_where!
  image_processing
  jbuilder
  listen
  mini_magick
  nokogiri
  octokit
  omniauth-github
  omniauth-rails_csrf_protection
  paypal-sdk-core
  paypal-sdk-rest
  pg
  propshaft!
  puma
  rails (= 8.0.0.beta1)
  rails_attend!
  rails_audit!
  rails_auth!
  rails_bench!
  rails_bluetooth!
  rails_cms!
  rails_com!
  rails_crm!
  rails_data!
  rails_deploy
  rails_design!
  rails_detail!
  rails_doc!
  rails_douyin!
  rails_email!
  rails_event!
  rails_factory!
  rails_finance!
  rails_growth!
  rails_interact!
  rails_markdown!
  rails_notice!
  rails_org!
  rails_qingflow!
  rails_quip!
  rails_ship!
  rails_space!
  rails_sync!
  rails_trade!
  rails_wechat!
  rexml
  rqrcode
  sd_notify
  selenium-webdriver
  solid_cache
  solid_queue
  tencentcloud-sdk-common!
  upyun_rails!
  web-console

BUNDLED WITH
   2.5.3
